RESTRICTION: || (== netcoreapp3.1) (== netstandard2.0) (== xamarinmac)
NUGET
  remote: https://api.nuget.org/v3/index.json
    Avalonia (0.9.2)
      Avalonia.Remote.Protocol (>= 0.9.2)
      JetBrains.Annotations (>= 10.3)
      Serilog (>= 2.5)
      Serilog.Sinks.Debug (>= 1.0)
      Serilog.Sinks.Trace (>= 2.1)
      System.ComponentModel.Annotations (>= 4.5)
      System.Memory (>= 4.5.3)
      System.Reactive (>= 4.1.6)
      System.Reflection.Emit (>= 4.3)
      System.Runtime.CompilerServices.Unsafe (>= 4.6)
      System.ValueTuple (>= 4.5)
    Avalonia.Desktop (0.9.2)
      Avalonia (>= 0.9.2)
      Avalonia.Direct2D1 (>= 0.9.2)
      Avalonia.Native (>= 0.9.2)
      Avalonia.Skia (>= 0.9.2)
      Avalonia.Win32 (>= 0.9.2)
      Avalonia.X11 (>= 0.9.2)
    Avalonia.Direct2D1 (0.9.2)
      Avalonia (>= 0.9.2)
      JetBrains.Annotations (>= 10.3)
      SharpDX (>= 4.0.1)
      SharpDX.Direct2D1 (>= 4.0.1)
      SharpDX.Direct3D11 (>= 4.0.1)
      SharpDX.DXGI (>= 4.0.1)
      System.Reactive (>= 4.1.6)
    Avalonia.FreeDesktop (0.9.2)
      Avalonia (>= 0.9.2)
      Tmds.DBus (>= 0.7)
    Avalonia.Native (0.9.2)
      Avalonia (>= 0.9.2)
      SharpGen.Runtime (>= 1.2.1)
      SharpGen.Runtime.COM (>= 1.2)
    Avalonia.ReactiveUI (0.9.2)
      Avalonia (>= 0.9.2)
      ReactiveUI (>= 10.3.6)
      System.Reactive (>= 4.1.6)
    Avalonia.Remote.Protocol (0.9.2)
    Avalonia.Skia (0.9.2)
      Avalonia (>= 0.9.2)
      Avalonia.Skia.Linux.Natives (>= 1.68.0.2)
      SkiaSharp (>= 1.68)
    Avalonia.Skia.Linux.Natives (1.68.0.2)
      Microsoft.NETCore.Platforms (>= 1.0.1)
      SkiaSharp (1.68)
    Avalonia.Win32 (0.9.2)
      Avalonia (>= 0.9.2)
      System.Drawing.Common (>= 4.5)
    Avalonia.X11 (0.9.2)
      Avalonia (>= 0.9.2)
      Avalonia.FreeDesktop (>= 0.9.2)
      Avalonia.Skia (>= 0.9.2)
    Clippit (1.1.4)
      DocumentFormat.OpenXml (>= 2.9.1)
    DocumentFormat.OpenXml (2.10)
      System.IO.Packaging (>= 4.7)
    DynamicData (6.14.3)
      System.Reactive (>= 4.3.2)
    JetBrains.Annotations (2019.1.3)
    Microsoft.NETCore.Platforms (3.1)
    Microsoft.NETCore.Targets (3.1) - restriction: || (== netcoreapp3.1) (== netstandard2.0)
    Microsoft.Win32.SystemEvents (4.7) - restriction: || (== netcoreapp3.1) (&& (== netstandard2.0) (>= netcoreapp2.0)) (&& (== xamarinmac) (>= netcoreapp2.0))
      Microsoft.NETCore.Platforms (>= 3.1) - restriction: || (== netcoreapp3.1) (&& (== netstandard2.0) (>= netcoreapp2.0)) (&& (== xamarinmac) (>= netcoreapp2.0))
    NETStandard.Library (2.0.3) - restriction: || (&& (== netcoreapp3.1) (>= xamarinmac)) (&& (== netstandard2.0) (>= xamarinmac)) (== xamarinmac)
      Microsoft.NETCore.Platforms (>= 1.1)
    ReactiveUI (11.1.12)
      DynamicData (>= 6.14.3)
      Splat (>= 9.3.4)
      Splat.Drawing (>= 9.3.4) - restriction: || (&& (== netcoreapp3.1) (>= monoandroid9.0)) (&& (== netcoreapp3.1) (>= net461)) (&& (== netcoreapp3.1) (>= tizen4.0)) (&& (== netcoreapp3.1) (>= uap10.1)) (&& (== netcoreapp3.1) (>= xamarinios)) (&& (== netcoreapp3.1) (>= xamarinmac)) (&& (== netcoreapp3.1) (>= xamarintvos)) (&& (== netstandard2.0) (>= monoandroid9.0)) (&& (== netstandard2.0) (>= net461)) (&& (== netstandard2.0) (>= tizen4.0)) (&& (== netstandard2.0) (>= uap10.1)) (&& (== netstandard2.0) (>= xamarinios)) (&& (== netstandard2.0) (>= xamarinmac)) (&& (== netstandard2.0) (>= xamarintvos)) (== xamarinmac)
      System.ComponentModel (>= 4.3) - restriction: || (&& (== netcoreapp3.1) (< netcoreapp2.0)) (== netstandard2.0)
      System.Diagnostics.Contracts (>= 4.3) - restriction: || (&& (== netcoreapp3.1) (< netcoreapp2.0)) (== netstandard2.0)
      System.Dynamic.Runtime (>= 4.3) - restriction: || (&& (== netcoreapp3.1) (< netcoreapp2.0)) (== netstandard2.0)
      System.Reactive (>= 4.3.2)
      System.Runtime.Serialization.Primitives (>= 4.3) - restriction: || (== netcoreapp3.1) (== netstandard2.0) (&& (== xamarinmac) (>= netcoreapp2.0))
    runtime.native.System (4.3.1) - restriction: || (== netcoreapp3.1) (== netstandard2.0)
      Microsoft.NETCore.Platforms (>= 1.1.1)
      Microsoft.NETCore.Targets (>= 1.1.3)
    Serilog (2.9)
    Serilog.Sinks.Debug (1.0.1)
      Serilog (>= 2.5)
      System.Diagnostics.Debug (>= 4.3)
    Serilog.Sinks.Trace (2.1)
      Serilog (>= 2.0)
      System.Diagnostics.TraceSource (>= 4.0)
    SharpDX (4.2)
      NETStandard.Library (>= 1.6.1)
    SharpDX.Direct2D1 (4.2)
      NETStandard.Library (>= 1.6.1)
      SharpDX (>= 4.2)
      SharpDX.DXGI (>= 4.2)
    SharpDX.Direct3D11 (4.2)
      NETStandard.Library (>= 1.6.1)
      SharpDX (>= 4.2)
      SharpDX.DXGI (>= 4.2)
    SharpDX.DXGI (4.2)
      NETStandard.Library (>= 1.6.1)
      SharpDX (>= 4.2)
    SharpGen.Runtime (1.2.1)
      System.Memory (>= 4.5)
      System.Runtime.CompilerServices.Unsafe (>= 4.5)
    SharpGen.Runtime.COM (1.2)
      NETStandard.Library (>= 1.6.1)
      SharpGen.Runtime (>= 1.2)
      System.Memory (>= 4.5.2)
    SkiaSharp (1.68)
    Splat (9.3.11)
    Splat.Drawing (9.3.11) - restriction: || (&& (== netcoreapp3.1) (>= monoandroid9.0)) (&& (== netcoreapp3.1) (>= net461)) (&& (== netcoreapp3.1) (>= tizen4.0)) (&& (== netcoreapp3.1) (>= uap10.1)) (&& (== netcoreapp3.1) (>= xamarinios)) (&& (== netcoreapp3.1) (>= xamarinmac)) (&& (== netcoreapp3.1) (>= xamarintvos)) (&& (== netstandard2.0) (>= monoandroid9.0)) (&& (== netstandard2.0) (>= net461)) (&& (== netstandard2.0) (>= tizen4.0)) (&& (== netstandard2.0) (>= uap10.1)) (&& (== netstandard2.0) (>= xamarinios)) (&& (== netstandard2.0) (>= xamarinmac)) (&& (== netstandard2.0) (>= xamarintvos)) (== xamarinmac)
      Splat (>= 9.3.11)
    System.Buffers (4.5) - restriction: || (&& (== netcoreapp3.1) (>= monotouch)) (&& (== netcoreapp3.1) (>= net461)) (&& (== netcoreapp3.1) (< netcoreapp2.0)) (&& (== netcoreapp3.1) (< netstandard1.1)) (&& (== netcoreapp3.1) (< netstandard2.0)) (&& (== netcoreapp3.1) (>= xamarinios)) (&& (== netcoreapp3.1) (>= xamarinmac)) (&& (== netcoreapp3.1) (>= xamarintvos)) (&& (== netcoreapp3.1) (>= xamarinwatchos)) (== netstandard2.0) (== xamarinmac)
    System.Collections (4.3) - restriction: || (== netcoreapp3.1) (== netstandard2.0)
      Microsoft.NETCore.Platforms (>= 1.1) - restriction: || (== netcoreapp3.1) (== netstandard2.0) (&& (== xamarinmac) (< netstandard1.3))
      Microsoft.NETCore.Targets (>= 1.1) - restriction: || (== netcoreapp3.1) (== netstandard2.0) (&& (== xamarinmac) (< netstandard1.3))
      System.Runtime (>= 4.3) - restriction: || (== netcoreapp3.1) (== netstandard2.0) (&& (== xamarinmac) (< netstandard1.3))
    System.ComponentModel (4.3) - restriction: || (&& (== netcoreapp3.1) (== xamarinmac)) (&& (== netcoreapp3.1) (< netcoreapp2.0)) (== netstandard2.0)
      System.Runtime (>= 4.3) - restriction: || (== netcoreapp3.1) (== netstandard2.0) (&& (== xamarinmac) (< netstandard1.3))
    System.ComponentModel.Annotations (4.7)
    System.Diagnostics.Contracts (4.3) - restriction: || (&& (== netcoreapp3.1) (== xamarinmac)) (&& (== netcoreapp3.1) (< netcoreapp2.0)) (== netstandard2.0)
      System.Runtime (>= 4.3) - restriction: || (== netcoreapp3.1) (== netstandard2.0)
    System.Diagnostics.Debug (4.3)
      Microsoft.NETCore.Platforms (>= 1.1) - restriction: || (== netcoreapp3.1) (== netstandard2.0) (&& (== xamarinmac) (< netstandard1.3))
      Microsoft.NETCore.Targets (>= 1.1) - restriction: || (== netcoreapp3.1) (== netstandard2.0) (&& (== xamarinmac) (< netstandard1.3))
      System.Runtime (>= 4.3) - restriction: || (== netcoreapp3.1) (== netstandard2.0) (&& (== xamarinmac) (< netstandard1.3))
    System.Diagnostics.TraceSource (4.3)
      Microsoft.NETCore.Platforms (>= 1.1) - restriction: || (== netcoreapp3.1) (== netstandard2.0)
      runtime.native.System (>= 4.3) - restriction: || (== netcoreapp3.1) (== netstandard2.0)
      System.Collections (>= 4.3) - restriction: || (== netcoreapp3.1) (== netstandard2.0)
      System.Diagnostics.Debug (>= 4.3) - restriction: || (== netcoreapp3.1) (== netstandard2.0)
      System.Globalization (>= 4.3) - restriction: || (== netcoreapp3.1) (== netstandard2.0)
      System.Resources.ResourceManager (>= 4.3) - restriction: || (== netcoreapp3.1) (== netstandard2.0)
      System.Runtime (>= 4.3) - restriction: || (== netcoreapp3.1) (== netstandard2.0)
      System.Runtime.Extensions (>= 4.3) - restriction: || (== netcoreapp3.1) (== netstandard2.0)
      System.Threading (>= 4.3) - restriction: || (== netcoreapp3.1) (== netstandard2.0)
    System.Drawing.Common (4.7)
      Microsoft.NETCore.Platforms (>= 3.1) - restriction: || (== netcoreapp3.1) (&& (== netstandard2.0) (>= netcoreapp2.0)) (&& (== xamarinmac) (>= netcoreapp2.0))
      Microsoft.Win32.SystemEvents (>= 4.7) - restriction: || (== netcoreapp3.1) (&& (== netstandard2.0) (>= netcoreapp2.0)) (&& (== xamarinmac) (>= netcoreapp2.0))
    System.Dynamic.Runtime (4.3) - restriction: || (&& (== netcoreapp3.1) (== xamarinmac)) (&& (== netcoreapp3.1) (< netcoreapp2.0)) (== netstandard2.0)
      System.Collections (>= 4.3) - restriction: || (== netcoreapp3.1) (== netstandard2.0)
      System.Diagnostics.Debug (>= 4.3) - restriction: || (== netcoreapp3.1) (== netstandard2.0)
      System.Linq (>= 4.3) - restriction: || (== netcoreapp3.1) (== netstandard2.0)
      System.Linq.Expressions (>= 4.3) - restriction: || (== netcoreapp3.1) (== netstandard2.0) (&& (== xamarinmac) (< netstandard1.3))
      System.ObjectModel (>= 4.3) - restriction: || (== netcoreapp3.1) (== netstandard2.0) (&& (== xamarinmac) (< netstandard1.3))
      System.Reflection (>= 4.3) - restriction: || (== netcoreapp3.1) (== netstandard2.0) (&& (== xamarinmac) (< netstandard1.3))
      System.Reflection.Emit (>= 4.3) - restriction: || (== netcoreapp3.1) (== netstandard2.0)
      System.Reflection.Emit.ILGeneration (>= 4.3) - restriction: || (== netcoreapp3.1) (== netstandard2.0)
      System.Reflection.Primitives (>= 4.3) - restriction: || (== netcoreapp3.1) (== netstandard2.0)
      System.Reflection.TypeExtensions (>= 4.3) - restriction: || (== netcoreapp3.1) (== netstandard2.0)
      System.Resources.ResourceManager (>= 4.3) - restriction: || (== netcoreapp3.1) (== netstandard2.0)
      System.Runtime (>= 4.3) - restriction: || (== netcoreapp3.1) (== netstandard2.0) (&& (== xamarinmac) (< netstandard1.3))
      System.Runtime.Extensions (>= 4.3) - restriction: || (== netcoreapp3.1) (== netstandard2.0)
      System.Threading (>= 4.3) - restriction: || (== netcoreapp3.1) (== netstandard2.0)
    System.Globalization (4.3) - restriction: || (== netcoreapp3.1) (== netstandard2.0)
      Microsoft.NETCore.Platforms (>= 1.1) - restriction: || (== netcoreapp3.1) (== netstandard2.0) (&& (== xamarinmac) (< netstandard1.3))
      Microsoft.NETCore.Targets (>= 1.1) - restriction: || (== netcoreapp3.1) (== netstandard2.0) (&& (== xamarinmac) (< netstandard1.3))
      System.Runtime (>= 4.3) - restriction: || (== netcoreapp3.1) (== netstandard2.0) (&& (== xamarinmac) (< netstandard1.3))
    System.IO (4.3) - restriction: || (&& (== netcoreapp3.1) (== xamarinmac)) (&& (== netcoreapp3.1) (< netcoreapp2.0)) (&& (== netcoreapp3.1) (< netstandard1.3)) (== netstandard2.0)
      Microsoft.NETCore.Platforms (>= 1.1) - restriction: || (== netcoreapp3.1) (== netstandard2.0) (&& (== xamarinmac) (< netstandard1.3)) (&& (== xamarinmac) (< netstandard1.5))
      Microsoft.NETCore.Targets (>= 1.1) - restriction: || (== netcoreapp3.1) (== netstandard2.0) (&& (== xamarinmac) (< netstandard1.3)) (&& (== xamarinmac) (< netstandard1.5))
      System.Runtime (>= 4.3) - restriction: || (== netcoreapp3.1) (== netstandard2.0) (&& (== xamarinmac) (< netstandard1.3)) (&& (== xamarinmac) (< netstandard1.5))
      System.Text.Encoding (>= 4.3) - restriction: || (== netcoreapp3.1) (== netstandard2.0) (&& (== xamarinmac) (< netstandard1.3)) (&& (== xamarinmac) (< netstandard1.5))
      System.Threading.Tasks (>= 4.3) - restriction: || (== netcoreapp3.1) (== netstandard2.0) (&& (== xamarinmac) (< netstandard1.3)) (&& (== xamarinmac) (< netstandard1.5))
    System.IO.Packaging (4.7)
    System.Linq (4.3) - restriction: || (&& (== netcoreapp3.1) (== xamarinmac)) (&& (== netcoreapp3.1) (< netcoreapp2.0)) (== netstandard2.0)
      System.Collections (>= 4.3) - restriction: || (== netcoreapp3.1) (== netstandard2.0) (&& (== xamarinmac) (< netstandard1.6))
      System.Diagnostics.Debug (>= 4.3) - restriction: || (== netcoreapp3.1) (== netstandard2.0)
      System.Resources.ResourceManager (>= 4.3) - restriction: || (== netcoreapp3.1) (== netstandard2.0)
      System.Runtime (>= 4.3) - restriction: || (== netcoreapp3.1) (== netstandard2.0) (&& (== xamarinmac) (< netstandard1.6))
      System.Runtime.Extensions (>= 4.3) - restriction: || (== netcoreapp3.1) (== netstandard2.0)
    System.Linq.Expressions (4.3) - restriction: || (&& (== netcoreapp3.1) (== xamarinmac)) (&& (== netcoreapp3.1) (< netcoreapp2.0)) (&& (== netcoreapp3.1) (< netstandard1.3)) (== netstandard2.0)
      System.Collections (>= 4.3) - restriction: || (== netcoreapp3.1) (== netstandard2.0)
      System.Diagnostics.Debug (>= 4.3) - restriction: || (== netcoreapp3.1) (== netstandard2.0)
      System.Globalization (>= 4.3) - restriction: || (== netcoreapp3.1) (== netstandard2.0)
      System.IO (>= 4.3) - restriction: || (== netcoreapp3.1) (== netstandard2.0)
      System.Linq (>= 4.3) - restriction: || (== netcoreapp3.1) (== netstandard2.0)
      System.ObjectModel (>= 4.3) - restriction: || (== netcoreapp3.1) (== netstandard2.0)
      System.Reflection (>= 4.3) - restriction: || (== netcoreapp3.1) (== netstandard2.0) (&& (== xamarinmac) (< netstandard1.3)) (&& (== xamarinmac) (< netstandard1.6))
      System.Reflection.Emit (>= 4.3) - restriction: || (== netcoreapp3.1) (== netstandard2.0)
      System.Reflection.Emit.ILGeneration (>= 4.3) - restriction: || (== netcoreapp3.1) (== netstandard2.0)
      System.Reflection.Emit.Lightweight (>= 4.3) - restriction: || (== netcoreapp3.1) (== netstandard2.0)
      System.Reflection.Extensions (>= 4.3) - restriction: || (== netcoreapp3.1) (== netstandard2.0)
      System.Reflection.Primitives (>= 4.3) - restriction: || (== netcoreapp3.1) (== netstandard2.0)
      System.Reflection.TypeExtensions (>= 4.3) - restriction: || (== netcoreapp3.1) (== netstandard2.0)
      System.Resources.ResourceManager (>= 4.3) - restriction: || (== netcoreapp3.1) (== netstandard2.0)
      System.Runtime (>= 4.3) - restriction: || (== netcoreapp3.1) (== netstandard2.0) (&& (== xamarinmac) (< netstandard1.3)) (&& (== xamarinmac) (< netstandard1.6))
      System.Runtime.Extensions (>= 4.3) - restriction: || (== netcoreapp3.1) (== netstandard2.0)
      System.Threading (>= 4.3) - restriction: || (== netcoreapp3.1) (== netstandard2.0)
    System.Memory (4.5.3)
      System.Buffers (>= 4.4) - restriction: || (&& (== netcoreapp3.1) (>= monotouch)) (&& (== netcoreapp3.1) (>= net461)) (&& (== netcoreapp3.1) (< netcoreapp2.0)) (&& (== netcoreapp3.1) (< netstandard1.1)) (&& (== netcoreapp3.1) (< netstandard2.0)) (&& (== netcoreapp3.1) (>= xamarinios)) (&& (== netcoreapp3.1) (>= xamarinmac)) (&& (== netcoreapp3.1) (>= xamarintvos)) (&& (== netcoreapp3.1) (>= xamarinwatchos)) (== netstandard2.0) (== xamarinmac)
      System.Numerics.Vectors (>= 4.4) - restriction: || (&& (== netcoreapp3.1) (>= net461)) (&& (== netcoreapp3.1) (< netcoreapp2.0)) (== netstandard2.0) (&& (== xamarinmac) (>= net461))
      System.Runtime.CompilerServices.Unsafe (>= 4.5.2) - restriction: || (&& (== netcoreapp3.1) (>= monotouch)) (&& (== netcoreapp3.1) (>= net461)) (&& (== netcoreapp3.1) (< netcoreapp2.0)) (&& (== netcoreapp3.1) (< netcoreapp2.1)) (&& (== netcoreapp3.1) (< netstandard1.1)) (&& (== netcoreapp3.1) (< netstandard2.0)) (&& (== netcoreapp3.1) (>= uap10.1)) (&& (== netcoreapp3.1) (>= xamarinios)) (&& (== netcoreapp3.1) (>= xamarinmac)) (&& (== netcoreapp3.1) (>= xamarintvos)) (&& (== netcoreapp3.1) (>= xamarinwatchos)) (== netstandard2.0) (== xamarinmac)
    System.Numerics.Vectors (4.5) - restriction: || (&& (== netcoreapp3.1) (== xamarinmac)) (&& (== netcoreapp3.1) (>= net461)) (&& (== netcoreapp3.1) (< netcoreapp2.0)) (== netstandard2.0) (&& (== xamarinmac) (>= net461))
    System.ObjectModel (4.3) - restriction: || (&& (== netcoreapp3.1) (== xamarinmac)) (&& (== netcoreapp3.1) (< netcoreapp2.0)) (&& (== netcoreapp3.1) (< netstandard1.3)) (== netstandard2.0)
      System.Collections (>= 4.3) - restriction: || (== netcoreapp3.1) (== netstandard2.0)
      System.Diagnostics.Debug (>= 4.3) - restriction: || (== netcoreapp3.1) (== netstandard2.0)
      System.Resources.ResourceManager (>= 4.3) - restriction: || (== netcoreapp3.1) (== netstandard2.0)
      System.Runtime (>= 4.3) - restriction: || (== netcoreapp3.1) (== netstandard2.0) (&& (== xamarinmac) (< netstandard1.3))
      System.Threading (>= 4.3) - restriction: || (== netcoreapp3.1) (== netstandard2.0)
    System.Reactive (4.3.2)
      System.Runtime.InteropServices.WindowsRuntime (>= 4.3) - restriction: || (&& (== netcoreapp3.1) (< netcoreapp3.0)) (== netstandard2.0) (== xamarinmac)
      System.Threading.Tasks.Extensions (>= 4.5.3) - restriction: || (&& (== netcoreapp3.1) (>= net46)) (&& (== netcoreapp3.1) (< netcoreapp3.0)) (&& (== netcoreapp3.1) (>= uap10.0)) (== netstandard2.0) (== xamarinmac)
    System.Reflection (4.3) - restriction: || (&& (== netcoreapp3.1) (== xamarinmac)) (&& (== netcoreapp3.1) (< netcoreapp2.0)) (&& (== netcoreapp3.1) (< netstandard1.3)) (== netstandard2.0)
      Microsoft.NETCore.Platforms (>= 1.1) - restriction: || (== netcoreapp3.1) (== netstandard2.0) (&& (== xamarinmac) (< netstandard1.3)) (&& (== xamarinmac) (< netstandard1.5))
      Microsoft.NETCore.Targets (>= 1.1) - restriction: || (== netcoreapp3.1) (== netstandard2.0) (&& (== xamarinmac) (< netstandard1.3)) (&& (== xamarinmac) (< netstandard1.5))
      System.IO (>= 4.3) - restriction: || (== netcoreapp3.1) (== netstandard2.0) (&& (== xamarinmac) (< netstandard1.3)) (&& (== xamarinmac) (< netstandard1.5))
      System.Reflection.Primitives (>= 4.3) - restriction: || (== netcoreapp3.1) (== netstandard2.0) (&& (== xamarinmac) (< netstandard1.3)) (&& (== xamarinmac) (< netstandard1.5))
      System.Runtime (>= 4.3) - restriction: || (== netcoreapp3.1) (== netstandard2.0) (&& (== xamarinmac) (< netstandard1.3)) (&& (== xamarinmac) (< netstandard1.5))
    System.Reflection.Emit (4.7)
      System.Reflection.Emit.ILGeneration (>= 4.7) - restriction: || (&& (== netcoreapp3.1) (< netcoreapp2.0) (< netstandard2.1)) (&& (== netcoreapp3.1) (< netstandard1.1)) (&& (== netcoreapp3.1) (< netstandard2.0)) (&& (== netcoreapp3.1) (>= uap10.1)) (== netstandard2.0) (&& (== xamarinmac) (< netstandard1.1)) (&& (== xamarinmac) (< netstandard2.0)) (&& (== xamarinmac) (>= uap10.1))
    System.Reflection.Emit.ILGeneration (4.7) - restriction: || (&& (== netcoreapp3.1) (== xamarinmac)) (&& (== netcoreapp3.1) (< netcoreapp2.0) (< netstandard2.1)) (&& (== netcoreapp3.1) (< netstandard1.1)) (&& (== netcoreapp3.1) (< netstandard2.0)) (&& (== netcoreapp3.1) (>= uap10.1)) (== netstandard2.0) (&& (== xamarinmac) (< netstandard1.1)) (&& (== xamarinmac) (< netstandard2.0)) (&& (== xamarinmac) (>= uap10.1))
    System.Reflection.Emit.Lightweight (4.7) - restriction: || (&& (== netcoreapp3.1) (== xamarinmac)) (&& (== netcoreapp3.1) (< netcoreapp2.0)) (&& (== netcoreapp3.1) (< netstandard1.3)) (== netstandard2.0)
      System.Reflection.Emit.ILGeneration (>= 4.7) - restriction: || (&& (== netcoreapp3.1) (< netcoreapp2.0) (< netstandard2.1)) (&& (== netcoreapp3.1) (< netstandard2.0)) (&& (== netcoreapp3.1) (< portable-net45+wp8)) (&& (== netcoreapp3.1) (>= uap10.1)) (== netstandard2.0) (&& (== xamarinmac) (< netstandard2.0)) (&& (== xamarinmac) (< portable-net45+wp8)) (&& (== xamarinmac) (>= uap10.1))
    System.Reflection.Extensions (4.3) - restriction: || (&& (== netcoreapp3.1) (== xamarinmac)) (&& (== netcoreapp3.1) (< netcoreapp2.0)) (&& (== netcoreapp3.1) (< netstandard1.3)) (== netstandard2.0)
      Microsoft.NETCore.Platforms (>= 1.1) - restriction: || (== netcoreapp3.1) (== netstandard2.0)
      Microsoft.NETCore.Targets (>= 1.1) - restriction: || (== netcoreapp3.1) (== netstandard2.0)
      System.Reflection (>= 4.3) - restriction: || (== netcoreapp3.1) (== netstandard2.0)
      System.Runtime (>= 4.3) - restriction: || (== netcoreapp3.1) (== netstandard2.0)
    System.Reflection.Primitives (4.3) - restriction: || (&& (== netcoreapp3.1) (== xamarinmac)) (&& (== netcoreapp3.1) (< netcoreapp2.0)) (== netstandard2.0)
      Microsoft.NETCore.Platforms (>= 1.1) - restriction: || (== netcoreapp3.1) (== netstandard2.0)
      Microsoft.NETCore.Targets (>= 1.1) - restriction: || (== netcoreapp3.1) (== netstandard2.0)
      System.Runtime (>= 4.3) - restriction: || (== netcoreapp3.1) (== netstandard2.0)
    System.Reflection.TypeExtensions (4.7) - restriction: || (&& (== netcoreapp3.1) (== xamarinmac)) (&& (== netcoreapp3.1) (< netcoreapp2.0)) (== netstandard2.0)
    System.Resources.ResourceManager (4.3) - restriction: || (== netcoreapp3.1) (== netstandard2.0) (&& (== xamarinmac) (>= netcoreapp2.0))
      Microsoft.NETCore.Platforms (>= 1.1) - restriction: || (== netcoreapp3.1) (== netstandard2.0)
      Microsoft.NETCore.Targets (>= 1.1) - restriction: || (== netcoreapp3.1) (== netstandard2.0)
      System.Globalization (>= 4.3) - restriction: || (== netcoreapp3.1) (== netstandard2.0)
      System.Reflection (>= 4.3) - restriction: || (== netcoreapp3.1) (== netstandard2.0)
      System.Runtime (>= 4.3) - restriction: || (== netcoreapp3.1) (== netstandard2.0)
    System.Runtime (4.3.1) - restriction: || (== netcoreapp3.1) (== netstandard2.0)
      Microsoft.NETCore.Platforms (>= 1.1.1) - restriction: || (== netcoreapp3.1) (== netstandard2.0) (&& (== xamarinmac) (< netstandard1.2)) (&& (== xamarinmac) (< netstandard1.3)) (&& (== xamarinmac) (< netstandard1.5))
      Microsoft.NETCore.Targets (>= 1.1.3) - restriction: || (== netcoreapp3.1) (== netstandard2.0) (&& (== xamarinmac) (< netstandard1.2)) (&& (== xamarinmac) (< netstandard1.3)) (&& (== xamarinmac) (< netstandard1.5))
    System.Runtime.CompilerServices.Unsafe (4.7)
    System.Runtime.Extensions (4.3.1) - restriction: || (== netcoreapp3.1) (== netstandard2.0)
      Microsoft.NETCore.Platforms (>= 1.1.1) - restriction: || (== netcoreapp3.1) (== netstandard2.0) (&& (== xamarinmac) (< netstandard1.3)) (&& (== xamarinmac) (< netstandard1.5))
      Microsoft.NETCore.Targets (>= 1.1.3) - restriction: || (== netcoreapp3.1) (== netstandard2.0) (&& (== xamarinmac) (< netstandard1.3)) (&& (== xamarinmac) (< netstandard1.5))
      System.Runtime (>= 4.3.1) - restriction: || (== netcoreapp3.1) (== netstandard2.0) (&& (== xamarinmac) (< netstandard1.3)) (&& (== xamarinmac) (< netstandard1.5))
    System.Runtime.InteropServices.WindowsRuntime (4.3) - restriction: || (&& (== netcoreapp3.1) (< netcoreapp3.0)) (== netstandard2.0) (== xamarinmac)
      System.Runtime (>= 4.3) - restriction: || (== netcoreapp3.1) (== netstandard2.0)
    System.Runtime.Serialization.Primitives (4.3) - restriction: || (== netcoreapp3.1) (== netstandard2.0) (&& (== xamarinmac) (>= netcoreapp2.0))
      System.Resources.ResourceManager (>= 4.3) - restriction: || (== netcoreapp3.1) (== netstandard2.0)
      System.Runtime (>= 4.3) - restriction: || (== netcoreapp3.1) (== netstandard2.0) (&& (== xamarinmac) (< netstandard1.3))
    System.Security.Principal.Windows (4.7)
    System.Text.Encoding (4.3) - restriction: || (&& (== netcoreapp3.1) (== xamarinmac)) (&& (== netcoreapp3.1) (< netcoreapp2.0)) (&& (== netcoreapp3.1) (< netstandard1.3)) (&& (== netcoreapp3.1) (< netstandard1.5)) (== netstandard2.0)
      Microsoft.NETCore.Platforms (>= 1.1) - restriction: || (== netcoreapp3.1) (== netstandard2.0) (&& (== xamarinmac) (< netstandard1.3))
      Microsoft.NETCore.Targets (>= 1.1) - restriction: || (== netcoreapp3.1) (== netstandard2.0) (&& (== xamarinmac) (< netstandard1.3))
      System.Runtime (>= 4.3) - restriction: || (== netcoreapp3.1) (== netstandard2.0) (&& (== xamarinmac) (< netstandard1.3))
    System.Threading (4.3) - restriction: || (== netcoreapp3.1) (== netstandard2.0)
      System.Runtime (>= 4.3) - restriction: || (== netcoreapp3.1) (== netstandard2.0) (&& (== xamarinmac) (< netstandard1.3))
      System.Threading.Tasks (>= 4.3) - restriction: || (== netcoreapp3.1) (== netstandard2.0) (&& (== xamarinmac) (< netstandard1.3))
    System.Threading.Tasks (4.3) - restriction: || (== netcoreapp3.1) (== netstandard2.0)
      Microsoft.NETCore.Platforms (>= 1.1) - restriction: || (== netcoreapp3.1) (== netstandard2.0) (&& (== xamarinmac) (< netstandard1.3))
      Microsoft.NETCore.Targets (>= 1.1) - restriction: || (== netcoreapp3.1) (== netstandard2.0) (&& (== xamarinmac) (< netstandard1.3))
      System.Runtime (>= 4.3) - restriction: || (== netcoreapp3.1) (== netstandard2.0) (&& (== xamarinmac) (< netstandard1.3))
    System.Threading.Tasks.Extensions (4.5.3) - restriction: || (&& (== netcoreapp3.1) (>= net46)) (&& (== netcoreapp3.1) (< netcoreapp3.0)) (&& (== netcoreapp3.1) (>= uap10.0)) (== netstandard2.0) (== xamarinmac)
      System.Runtime.CompilerServices.Unsafe (>= 4.5.2) - restriction: || (&& (== netcoreapp3.1) (>= net45)) (&& (== netcoreapp3.1) (< netcoreapp2.1)) (&& (== netcoreapp3.1) (< netstandard1.0)) (&& (== netcoreapp3.1) (< netstandard2.0)) (&& (== netcoreapp3.1) (>= wp8)) (== netstandard2.0) (&& (== xamarinmac) (>= net45)) (&& (== xamarinmac) (< netstandard1.0)) (&& (== xamarinmac) (< netstandard2.0)) (&& (== xamarinmac) (>= wp8))
    System.ValueTuple (4.5)
    Tmds.DBus (0.8)
      System.Reflection.Emit (>= 4.3)
      System.Security.Principal.Windows (>= 4.5)
