RESTRICTION: || (== netstandard2.0) (== xamarinmac)
NUGET
  remote: https://api.nuget.org/v3/index.json
    DocumentFormat.OpenXml (2.10)
      System.IO.Packaging (>= 4.7)
    Microsoft.NETCore.Platforms (3.1) - restriction: || (&& (== netstandard2.0) (>= xamarinmac)) (== xamarinmac)
    NETStandard.Library (2.0.3) - restriction: || (&& (== netstandard2.0) (>= xamarinmac)) (== xamarinmac)
      Microsoft.NETCore.Platforms (>= 1.1)
    System.IO.Packaging (4.7)
