RESTRICTION: || (== net6.0) (== netstandard2.0)
NUGET
  remote: https://api.nuget.org/v3/index.json
    Avalonia (0.10.12)
      Avalonia.Remote.Protocol (>= 0.10.12)
      JetBrains.Annotations (>= 10.3)
      System.ComponentModel.Annotations (>= 4.5)
      System.Memory (>= 4.5.3)
      System.Reactive (>= 5.0)
      System.Runtime.CompilerServices.Unsafe (>= 4.6)
      System.ValueTuple (>= 4.5)
    Avalonia.Angle.Windows.Natives (2.1.0.2020091801)
    Avalonia.Controls.DataGrid (0.10.12)
      Avalonia (>= 0.10.12)
      Avalonia.Remote.Protocol (>= 0.10.12)
      JetBrains.Annotations (>= 10.3)
      System.Reactive (>= 5.0)
    Avalonia.Desktop (0.10.12)
      Avalonia (>= 0.10.12)
      Avalonia.Native (>= 0.10.12)
      Avalonia.Skia (>= 0.10.12)
      Avalonia.Win32 (>= 0.10.12)
      Avalonia.X11 (>= 0.10.12)
    Avalonia.Diagnostics (0.10.12)
      Avalonia (>= 0.10.12)
      Avalonia.Controls.DataGrid (>= 0.10.12)
      Microsoft.CodeAnalysis.CSharp.Scripting (>= 3.4)
      System.Reactive (>= 5.0)
    Avalonia.FreeDesktop (0.10.12)
      Avalonia (>= 0.10.12)
      Tmds.DBus (>= 0.9)
    Avalonia.Native (0.10.12)
      Avalonia (>= 0.10.12)
    Avalonia.ReactiveUI (0.10.12)
      Avalonia (>= 0.10.12)
      ReactiveUI (>= 13.2.10)
      System.Reactive (>= 5.0)
    Avalonia.Remote.Protocol (0.10.12)
    Avalonia.Skia (0.10.12)
      Avalonia (>= 0.10.12)
      HarfBuzzSharp (>= 2.8.2-preview.178)
      HarfBuzzSharp.NativeAssets.Linux (>= 2.8.2-preview.178)
      HarfBuzzSharp.NativeAssets.WebAssembly (>= 2.8.2-preview.178)
      SkiaSharp (>= 2.88.0-preview.178)
      SkiaSharp.NativeAssets.Linux (>= 2.88.0-preview.178)
      SkiaSharp.NativeAssets.WebAssembly (>= 2.88.0-preview.178)
    Avalonia.Win32 (0.10.12)
      Avalonia (>= 0.10.12)
      Avalonia.Angle.Windows.Natives (>= 2.1.0.2020091801)
      System.Drawing.Common (>= 4.5)
      System.Numerics.Vectors (>= 4.5)
    Avalonia.X11 (0.10.12)
      Avalonia (>= 0.10.12)
      Avalonia.FreeDesktop (>= 0.10.12)
      Avalonia.Skia (>= 0.10.12)
    BlazorDownloadFileFast (0.2)
      Microsoft.Extensions.DependencyInjection.Abstractions (>= 3.1.10) - restriction: || (&& (== net6.0) (< net5.0)) (&& (== net6.0) (< netstandard2.1)) (== netstandard2.0)
      Microsoft.Extensions.DependencyInjection.Abstractions (>= 6.0) - restriction: || (== net6.0) (&& (== netstandard2.0) (>= net6.0))
      Microsoft.JSInterop (>= 3.1.10) - restriction: || (&& (== net6.0) (< net5.0)) (&& (== net6.0) (< netstandard2.1)) (== netstandard2.0)
      Microsoft.JSInterop (>= 6.0) - restriction: || (== net6.0) (&& (== netstandard2.0) (>= net6.0))
    Clippit (2.0.0-beta1)
      DocumentFormat.OpenXml (>= 2.15)
      SixLabors.ImageSharp.Drawing (>= 1.0.0-beta14)
    DocumentFormat.OpenXml (2.15)
      System.IO.Packaging (>= 4.7)
    DynamicData (7.4.11)
      System.Reactive (>= 5.0)
    HarfBuzzSharp (2.8.2-preview.187)
      HarfBuzzSharp.NativeAssets.macOS (>= 2.8.2-preview.187)
      HarfBuzzSharp.NativeAssets.Win32 (>= 2.8.2-preview.187)
      System.Memory (>= 4.5.3)
    HarfBuzzSharp.NativeAssets.Linux (2.8.2-preview.187)
      HarfBuzzSharp (>= 2.8.2-preview.187)
    HarfBuzzSharp.NativeAssets.macOS (2.8.2-preview.187)
    HarfBuzzSharp.NativeAssets.WebAssembly (2.8.2-preview.187)
    HarfBuzzSharp.NativeAssets.Win32 (2.8.2-preview.187)
    JetBrains.Annotations (2021.3)
    Microsoft.AspNetCore.Authorization (6.0.2) - restriction: || (== net6.0) (&& (== netstandard2.0) (>= net6.0))
      Microsoft.AspNetCore.Metadata (>= 6.0.2)
      Microsoft.Extensions.Logging.Abstractions (>= 6.0)
      Microsoft.Extensions.Options (>= 6.0)
    Microsoft.AspNetCore.Components (6.0.2) - restriction: || (== net6.0) (&& (== netstandard2.0) (>= net6.0))
      Microsoft.AspNetCore.Authorization (>= 6.0.2) - restriction: || (== net6.0) (&& (== netstandard2.0) (>= net6.0))
      Microsoft.AspNetCore.Components.Analyzers (>= 6.0.2) - restriction: || (== net6.0) (&& (== netstandard2.0) (>= net6.0))
    Microsoft.AspNetCore.Components.Analyzers (6.0.2) - restriction: || (== net6.0) (&& (== netstandard2.0) (>= net6.0))
    Microsoft.AspNetCore.Components.Forms (6.0.2) - restriction: || (== net6.0) (&& (== netstandard2.0) (>= net6.0))
      Microsoft.AspNetCore.Components (>= 6.0.2) - restriction: || (== net6.0) (&& (== netstandard2.0) (>= net6.0))
    Microsoft.AspNetCore.Components.Web (6.0.2) - restriction: || (== net6.0) (&& (== netstandard2.0) (>= net6.0))
      Microsoft.AspNetCore.Components (>= 6.0.2) - restriction: || (== net6.0) (&& (== netstandard2.0) (>= net6.0))
      Microsoft.AspNetCore.Components.Forms (>= 6.0.2) - restriction: || (== net6.0) (&& (== netstandard2.0) (>= net6.0))
      Microsoft.Extensions.DependencyInjection (>= 6.0) - restriction: || (== net6.0) (&& (== netstandard2.0) (>= net6.0))
      Microsoft.JSInterop (>= 6.0.2) - restriction: || (== net6.0) (&& (== netstandard2.0) (>= net6.0))
      System.IO.Pipelines (>= 6.0.2) - restriction: || (== net6.0) (&& (== netstandard2.0) (>= net6.0))
    Microsoft.AspNetCore.Components.WebAssembly (6.0.2)
      Microsoft.AspNetCore.Components.Web (>= 6.0.2) - restriction: || (== net6.0) (&& (== netstandard2.0) (>= net6.0))
      Microsoft.Extensions.Configuration.Binder (>= 6.0) - restriction: || (== net6.0) (&& (== netstandard2.0) (>= net6.0))
      Microsoft.Extensions.Configuration.Json (>= 6.0) - restriction: || (== net6.0) (&& (== netstandard2.0) (>= net6.0))
      Microsoft.Extensions.Logging (>= 6.0) - restriction: || (== net6.0) (&& (== netstandard2.0) (>= net6.0))
      Microsoft.JSInterop.WebAssembly (>= 6.0.2) - restriction: || (== net6.0) (&& (== netstandard2.0) (>= net6.0))
    Microsoft.AspNetCore.Components.WebAssembly.DevServer (6.0.2)
    Microsoft.AspNetCore.Metadata (6.0.2) - restriction: || (== net6.0) (&& (== netstandard2.0) (>= net6.0))
    Microsoft.Bcl.AsyncInterfaces (6.0) - restriction: || (&& (== net6.0) (>= net461)) (&& (== net6.0) (< netstandard2.1)) (== netstandard2.0)
      System.Threading.Tasks.Extensions (>= 4.5.4) - restriction: || (&& (== net6.0) (>= net461)) (&& (== net6.0) (< netstandard2.1)) (== netstandard2.0)
    Microsoft.CodeAnalysis.Analyzers (3.3.3)
    Microsoft.CodeAnalysis.Common (4.0.1)
      Microsoft.CodeAnalysis.Analyzers (>= 3.3.2)
      System.Collections.Immutable (>= 5.0)
      System.Memory (>= 4.5.4)
      System.Reflection.Metadata (>= 5.0)
      System.Runtime.CompilerServices.Unsafe (>= 5.0)
      System.Text.Encoding.CodePages (>= 4.5.1)
      System.Threading.Tasks.Extensions (>= 4.5.4)
    Microsoft.CodeAnalysis.CSharp (4.0.1)
      Microsoft.CodeAnalysis.Common (4.0.1)
    Microsoft.CodeAnalysis.CSharp.Scripting (4.0.1)
      Microsoft.CodeAnalysis.Common (4.0.1)
      Microsoft.CodeAnalysis.CSharp (4.0.1)
      Microsoft.CodeAnalysis.Scripting.Common (4.0.1)
      Microsoft.CSharp (>= 4.3)
    Microsoft.CodeAnalysis.Scripting.Common (4.0.1)
      Microsoft.CodeAnalysis.Common (4.0.1)
    Microsoft.CSharp (4.7)
    Microsoft.Extensions.Configuration (6.0)
      Microsoft.Extensions.Configuration.Abstractions (>= 6.0)
      Microsoft.Extensions.Primitives (>= 6.0)
    Microsoft.Extensions.Configuration.Abstractions (6.0)
      Microsoft.Extensions.Primitives (>= 6.0)
    Microsoft.Extensions.Configuration.Binder (6.0)
      Microsoft.Extensions.Configuration.Abstractions (>= 6.0)
    Microsoft.Extensions.Configuration.CommandLine (6.0)
      Microsoft.Extensions.Configuration (>= 6.0)
      Microsoft.Extensions.Configuration.Abstractions (>= 6.0)
    Microsoft.Extensions.Configuration.EnvironmentVariables (6.0.1)
      Microsoft.Extensions.Configuration (>= 6.0)
      Microsoft.Extensions.Configuration.Abstractions (>= 6.0)
    Microsoft.Extensions.Configuration.FileExtensions (6.0)
      Microsoft.Extensions.Configuration (>= 6.0)
      Microsoft.Extensions.Configuration.Abstractions (>= 6.0)
      Microsoft.Extensions.FileProviders.Abstractions (>= 6.0)
      Microsoft.Extensions.FileProviders.Physical (>= 6.0)
      Microsoft.Extensions.Primitives (>= 6.0)
    Microsoft.Extensions.Configuration.Json (6.0)
      Microsoft.Extensions.Configuration (>= 6.0)
      Microsoft.Extensions.Configuration.Abstractions (>= 6.0)
      Microsoft.Extensions.Configuration.FileExtensions (>= 6.0)
      Microsoft.Extensions.FileProviders.Abstractions (>= 6.0)
      System.Text.Json (>= 6.0)
    Microsoft.Extensions.Configuration.UserSecrets (6.0.1)
      Microsoft.Extensions.Configuration.Abstractions (>= 6.0)
      Microsoft.Extensions.Configuration.Json (>= 6.0)
      Microsoft.Extensions.FileProviders.Abstractions (>= 6.0)
      Microsoft.Extensions.FileProviders.Physical (>= 6.0)
    Microsoft.Extensions.DependencyInjection (6.0)
      Microsoft.Bcl.AsyncInterfaces (>= 6.0) - restriction: || (&& (== net6.0) (>= net461)) (&& (== net6.0) (< netstandard2.1)) (== netstandard2.0)
      Microsoft.Extensions.DependencyInjection.Abstractions (>= 6.0)
      System.Runtime.CompilerServices.Unsafe (>= 6.0)
      System.Threading.Tasks.Extensions (>= 4.5.4) - restriction: || (&& (== net6.0) (>= net461)) (&& (== net6.0) (< netstandard2.1)) (== netstandard2.0)
    Microsoft.Extensions.DependencyInjection.Abstractions (6.0)
      Microsoft.Bcl.AsyncInterfaces (>= 6.0) - restriction: || (&& (== net6.0) (>= net461)) (&& (== net6.0) (< netstandard2.1)) (== netstandard2.0)
      System.Threading.Tasks.Extensions (>= 4.5.4) - restriction: || (&& (== net6.0) (>= net461)) (&& (== net6.0) (< netstandard2.1)) (== netstandard2.0)
    Microsoft.Extensions.FileProviders.Abstractions (6.0)
      Microsoft.Extensions.Primitives (>= 6.0)
    Microsoft.Extensions.FileProviders.Physical (6.0)
      Microsoft.Extensions.FileProviders.Abstractions (>= 6.0)
      Microsoft.Extensions.FileSystemGlobbing (>= 6.0)
      Microsoft.Extensions.Primitives (>= 6.0)
    Microsoft.Extensions.FileSystemGlobbing (6.0)
    Microsoft.Extensions.Hosting (6.0.1)
      Microsoft.Bcl.AsyncInterfaces (>= 6.0) - restriction: || (&& (== net6.0) (>= net461)) (&& (== net6.0) (< netstandard2.1)) (== netstandard2.0)
      Microsoft.Extensions.Configuration (>= 6.0)
      Microsoft.Extensions.Configuration.Abstractions (>= 6.0)
      Microsoft.Extensions.Configuration.Binder (>= 6.0)
      Microsoft.Extensions.Configuration.CommandLine (>= 6.0)
      Microsoft.Extensions.Configuration.EnvironmentVariables (>= 6.0.1)
      Microsoft.Extensions.Configuration.FileExtensions (>= 6.0)
      Microsoft.Extensions.Configuration.Json (>= 6.0)
      Microsoft.Extensions.Configuration.UserSecrets (>= 6.0.1)
      Microsoft.Extensions.DependencyInjection (>= 6.0)
      Microsoft.Extensions.DependencyInjection.Abstractions (>= 6.0)
      Microsoft.Extensions.FileProviders.Abstractions (>= 6.0)
      Microsoft.Extensions.FileProviders.Physical (>= 6.0)
      Microsoft.Extensions.Hosting.Abstractions (>= 6.0)
      Microsoft.Extensions.Logging (>= 6.0)
      Microsoft.Extensions.Logging.Abstractions (>= 6.0)
      Microsoft.Extensions.Logging.Configuration (>= 6.0)
      Microsoft.Extensions.Logging.Console (>= 6.0)
      Microsoft.Extensions.Logging.Debug (>= 6.0)
      Microsoft.Extensions.Logging.EventLog (>= 6.0)
      Microsoft.Extensions.Logging.EventSource (>= 6.0)
      Microsoft.Extensions.Options (>= 6.0)
      System.Runtime.CompilerServices.Unsafe (>= 6.0) - restriction: || (&& (== net6.0) (>= net461)) (&& (== net6.0) (< netstandard2.1)) (== netstandard2.0)
      System.Threading.Tasks.Extensions (>= 4.5.4) - restriction: || (&& (== net6.0) (>= net461)) (&& (== net6.0) (< netstandard2.1)) (== netstandard2.0)
    Microsoft.Extensions.Hosting.Abstractions (6.0)
      Microsoft.Bcl.AsyncInterfaces (>= 6.0) - restriction: || (&& (== net6.0) (>= net461)) (&& (== net6.0) (< netstandard2.1)) (== netstandard2.0)
      Microsoft.Extensions.Configuration.Abstractions (>= 6.0)
      Microsoft.Extensions.DependencyInjection.Abstractions (>= 6.0)
      Microsoft.Extensions.FileProviders.Abstractions (>= 6.0)
      System.Runtime.CompilerServices.Unsafe (>= 6.0) - restriction: || (&& (== net6.0) (>= net461)) (&& (== net6.0) (< netstandard2.1)) (== netstandard2.0)
      System.Threading.Tasks.Extensions (>= 4.5.4) - restriction: || (&& (== net6.0) (>= net461)) (&& (== net6.0) (< netstandard2.1)) (== netstandard2.0)
    Microsoft.Extensions.Logging (6.0)
      Microsoft.Extensions.DependencyInjection (>= 6.0)
      Microsoft.Extensions.DependencyInjection.Abstractions (>= 6.0)
      Microsoft.Extensions.Logging.Abstractions (>= 6.0)
      Microsoft.Extensions.Options (>= 6.0)
      System.Diagnostics.DiagnosticSource (>= 6.0)
    Microsoft.Extensions.Logging.Abstractions (6.0)
      System.Buffers (>= 4.5.1) - restriction: || (&& (== net6.0) (>= net461)) (== netstandard2.0)
      System.Memory (>= 4.5.4) - restriction: || (&& (== net6.0) (>= net461)) (== netstandard2.0)
    Microsoft.Extensions.Logging.Configuration (6.0)
      Microsoft.Extensions.Configuration (>= 6.0)
      Microsoft.Extensions.Configuration.Abstractions (>= 6.0)
      Microsoft.Extensions.Configuration.Binder (>= 6.0)
      Microsoft.Extensions.DependencyInjection.Abstractions (>= 6.0)
      Microsoft.Extensions.Logging (>= 6.0)
      Microsoft.Extensions.Logging.Abstractions (>= 6.0)
      Microsoft.Extensions.Options (>= 6.0)
      Microsoft.Extensions.Options.ConfigurationExtensions (>= 6.0)
    Microsoft.Extensions.Logging.Console (6.0)
      Microsoft.Bcl.AsyncInterfaces (>= 6.0) - restriction: || (&& (== net6.0) (>= net461)) (&& (== net6.0) (< netcoreapp3.1)) (== netstandard2.0)
      Microsoft.Extensions.DependencyInjection.Abstractions (>= 6.0)
      Microsoft.Extensions.Logging (>= 6.0)
      Microsoft.Extensions.Logging.Abstractions (>= 6.0)
      Microsoft.Extensions.Logging.Configuration (>= 6.0)
      Microsoft.Extensions.Options (>= 6.0)
      System.Buffers (>= 4.5.1) - restriction: || (&& (== net6.0) (>= net461)) (&& (== net6.0) (< netcoreapp3.1)) (== netstandard2.0)
      System.Text.Json (>= 6.0)
    Microsoft.Extensions.Logging.Debug (6.0)
      Microsoft.Extensions.DependencyInjection.Abstractions (>= 6.0)
      Microsoft.Extensions.Logging (>= 6.0)
      Microsoft.Extensions.Logging.Abstractions (>= 6.0)
    Microsoft.Extensions.Logging.EventLog (6.0)
      Microsoft.Extensions.DependencyInjection.Abstractions (>= 6.0)
      Microsoft.Extensions.Logging (>= 6.0)
      Microsoft.Extensions.Logging.Abstractions (>= 6.0)
      Microsoft.Extensions.Options (>= 6.0)
      System.Diagnostics.EventLog (>= 6.0)
    Microsoft.Extensions.Logging.EventSource (6.0)
      Microsoft.Bcl.AsyncInterfaces (>= 6.0) - restriction: || (&& (== net6.0) (>= net461)) (&& (== net6.0) (< netcoreapp3.1)) (== netstandard2.0)
      Microsoft.Extensions.DependencyInjection.Abstractions (>= 6.0)
      Microsoft.Extensions.Logging (>= 6.0)
      Microsoft.Extensions.Logging.Abstractions (>= 6.0)
      Microsoft.Extensions.Options (>= 6.0)
      Microsoft.Extensions.Primitives (>= 6.0)
      System.Memory (>= 4.5.4) - restriction: || (&& (== net6.0) (>= net461)) (&& (== net6.0) (< netcoreapp3.1)) (== netstandard2.0)
      System.Runtime.CompilerServices.Unsafe (>= 6.0)
      System.Text.Json (>= 6.0)
    Microsoft.Extensions.Options (6.0)
      Microsoft.Extensions.DependencyInjection.Abstractions (>= 6.0)
      Microsoft.Extensions.Primitives (>= 6.0)
      System.ComponentModel.Annotations (>= 5.0) - restriction: || (&& (== net6.0) (< netstandard2.1)) (== netstandard2.0)
    Microsoft.Extensions.Options.ConfigurationExtensions (6.0)
      Microsoft.Extensions.Configuration.Abstractions (>= 6.0)
      Microsoft.Extensions.Configuration.Binder (>= 6.0)
      Microsoft.Extensions.DependencyInjection.Abstractions (>= 6.0)
      Microsoft.Extensions.Options (>= 6.0)
      Microsoft.Extensions.Primitives (>= 6.0)
    Microsoft.Extensions.Primitives (6.0)
      System.Memory (>= 4.5.4) - restriction: || (&& (== net6.0) (>= net461)) (&& (== net6.0) (< netcoreapp3.1)) (== netstandard2.0)
      System.Runtime.CompilerServices.Unsafe (>= 6.0)
    Microsoft.IO.RecyclableMemoryStream (2.2)
      System.Memory (>= 4.5.4) - restriction: || (&& (== net6.0) (>= net462)) (&& (== net6.0) (< netcoreapp2.1) (< netstandard2.1)) (== netstandard2.0)
    Microsoft.JSInterop (6.0.2)
    Microsoft.JSInterop.WebAssembly (6.0.2) - restriction: || (== net6.0) (&& (== netstandard2.0) (>= net6.0))
      Microsoft.JSInterop (>= 6.0.2) - restriction: || (== net6.0) (&& (== netstandard2.0) (>= net6.0))
    Microsoft.NETCore.Platforms (6.0.1)
    Microsoft.NETCore.Targets (5.0)
    Microsoft.Win32.SystemEvents (6.0) - restriction: || (== net6.0) (&& (== netstandard2.0) (>= netcoreapp3.1))
    MudBlazor (6.0.6)
      Microsoft.AspNetCore.Components (>= 6.0.1) - restriction: || (== net6.0) (&& (== netstandard2.0) (>= net6.0))
      Microsoft.AspNetCore.Components.Web (>= 6.0.1) - restriction: || (== net6.0) (&& (== netstandard2.0) (>= net6.0))
    ReactiveUI (17.1.17)
      DynamicData (>= 7.4.9)
      Splat (>= 14.1.17)
      System.ComponentModel (>= 4.3) - restriction: == netstandard2.0
      System.Diagnostics.Contracts (>= 4.3) - restriction: == netstandard2.0
      System.Dynamic.Runtime (>= 4.3) - restriction: == netstandard2.0
      System.Runtime.Serialization.Primitives (>= 4.3) - restriction: == netstandard2.0
    runtime.native.System (4.3.1)
      Microsoft.NETCore.Platforms (>= 1.1.1)
      Microsoft.NETCore.Targets (>= 1.1.3)
    runtime.native.System.IO.Compression (4.3.2)
      Microsoft.NETCore.Platforms (>= 1.1.1)
      Microsoft.NETCore.Targets (>= 1.1.3)
    SixLabors.Fonts (1.0.0-beta16)
      System.Buffers (>= 4.5.1) - restriction: || (&& (== net6.0) (< netstandard2.1)) (== netstandard2.0)
      System.IO.Compression (>= 4.3) - restriction: || (&& (== net6.0) (< netcoreapp3.1)) (&& (== net6.0) (< netstandard2.1)) (== netstandard2.0)
      System.IO.UnmanagedMemoryStream (>= 4.3) - restriction: || (&& (== net6.0) (< netcoreapp3.1)) (&& (== net6.0) (< netstandard2.1)) (== netstandard2.0)
      System.Memory (>= 4.5.4) - restriction: || (&& (== net6.0) (< netstandard2.1)) (== netstandard2.0)
      System.Numerics.Vectors (>= 4.5) - restriction: || (&& (== net6.0) (< netcoreapp3.1)) (&& (== net6.0) (< netstandard2.1)) (== netstandard2.0)
      System.Runtime.CompilerServices.Unsafe (>= 4.7) - restriction: || (&& (== net6.0) (< netcoreapp3.1)) (&& (== net6.0) (< netstandard2.1)) (== netstandard2.0)
      System.Threading.Tasks.Parallel (>= 4.3) - restriction: || (&& (== net6.0) (< netcoreapp3.1)) (&& (== net6.0) (< netstandard2.1)) (== netstandard2.0)
      System.ValueTuple (>= 4.5) - restriction: || (&& (== net6.0) (< netcoreapp3.1)) (&& (== net6.0) (< netstandard2.1)) (== netstandard2.0)
    SixLabors.ImageSharp (2.0)
      System.Buffers (>= 4.5.1) - restriction: || (&& (== net6.0) (>= net472)) (&& (== net6.0) (< netcoreapp2.1)) (== netstandard2.0)
      System.Memory (>= 4.5.4) - restriction: || (&& (== net6.0) (>= net472)) (&& (== net6.0) (< netcoreapp2.1)) (== netstandard2.0)
      System.Numerics.Vectors (>= 4.5) - restriction: || (&& (== net6.0) (>= net472)) (&& (== net6.0) (< netcoreapp2.1)) (== netstandard2.0)
      System.Runtime.CompilerServices.Unsafe (>= 5.0)
      System.Text.Encoding.CodePages (>= 5.0)
    SixLabors.ImageSharp.Drawing (1.0.0-beta14)
      SixLabors.Fonts (>= 1.0.0-beta16)
      SixLabors.ImageSharp (>= 2.0)
    SkiaSharp (2.88.0-preview.187)
      SkiaSharp.NativeAssets.macOS (>= 2.88.0-preview.187)
      SkiaSharp.NativeAssets.Win32 (>= 2.88.0-preview.187)
      System.Memory (>= 4.5.3)
    SkiaSharp.NativeAssets.Linux (2.88.0-preview.187)
      SkiaSharp (>= 2.88.0-preview.187)
    SkiaSharp.NativeAssets.macOS (2.88.0-preview.187)
    SkiaSharp.NativeAssets.WebAssembly (2.88.0-preview.187)
    SkiaSharp.NativeAssets.Win32 (2.88.0-preview.187)
    Splat (14.1.17)
    System.Buffers (4.5.1)
    System.Collections (4.3)
      Microsoft.NETCore.Platforms (>= 1.1)
      Microsoft.NETCore.Targets (>= 1.1)
      System.Runtime (>= 4.3)
    System.Collections.Concurrent (4.3) - restriction: || (&& (== net6.0) (< netcoreapp3.1)) (&& (== net6.0) (< netstandard1.3)) (&& (== net6.0) (< netstandard2.1)) (== netstandard2.0)
      System.Collections (>= 4.3)
      System.Diagnostics.Debug (>= 4.3)
      System.Diagnostics.Tracing (>= 4.3)
      System.Globalization (>= 4.3)
      System.Reflection (>= 4.3)
      System.Resources.ResourceManager (>= 4.3)
      System.Runtime (>= 4.3)
      System.Runtime.Extensions (>= 4.3)
      System.Threading (>= 4.3)
      System.Threading.Tasks (>= 4.3)
    System.Collections.Immutable (6.0)
      System.Memory (>= 4.5.4) - restriction: || (&& (== net6.0) (>= net461)) (== netstandard2.0)
      System.Runtime.CompilerServices.Unsafe (>= 6.0)
    System.ComponentModel (4.3) - restriction: == netstandard2.0
      System.Runtime (>= 4.3)
    System.ComponentModel.Annotations (5.0)
    System.Diagnostics.Contracts (4.3) - restriction: == netstandard2.0
      System.Runtime (>= 4.3)
    System.Diagnostics.Debug (4.3)
      Microsoft.NETCore.Platforms (>= 1.1)
      Microsoft.NETCore.Targets (>= 1.1)
      System.Runtime (>= 4.3)
    System.Diagnostics.DiagnosticSource (6.0) - restriction: || (== net6.0) (&& (== netstandard2.0) (>= net6.0))
      System.Runtime.CompilerServices.Unsafe (>= 6.0)
    System.Diagnostics.EventLog (6.0)
      System.Security.Principal.Windows (>= 5.0) - restriction: || (&& (== net6.0) (>= net461)) (&& (== net6.0) (< netcoreapp3.1)) (== netstandard2.0)
    System.Diagnostics.Tracing (4.3) - restriction: || (&& (== net6.0) (< netcoreapp3.1)) (&& (== net6.0) (< netstandard2.1)) (== netstandard2.0)
      Microsoft.NETCore.Platforms (>= 1.1)
      Microsoft.NETCore.Targets (>= 1.1)
      System.Runtime (>= 4.3)
    System.Drawing.Common (6.0)
      Microsoft.Win32.SystemEvents (>= 6.0) - restriction: || (== net6.0) (&& (== netstandard2.0) (>= netcoreapp3.1))
    System.Dynamic.Runtime (4.3) - restriction: == netstandard2.0
      System.Collections (>= 4.3)
      System.Diagnostics.Debug (>= 4.3)
      System.Linq (>= 4.3)
      System.Linq.Expressions (>= 4.3)
      System.ObjectModel (>= 4.3)
      System.Reflection (>= 4.3)
      System.Reflection.Emit (>= 4.3)
      System.Reflection.Emit.ILGeneration (>= 4.3)
      System.Reflection.Primitives (>= 4.3)
      System.Reflection.TypeExtensions (>= 4.3)
      System.Resources.ResourceManager (>= 4.3)
      System.Runtime (>= 4.3)
      System.Runtime.Extensions (>= 4.3)
      System.Threading (>= 4.3)
    System.Globalization (4.3)
      Microsoft.NETCore.Platforms (>= 1.1)
      Microsoft.NETCore.Targets (>= 1.1)
      System.Runtime (>= 4.3)
    System.IO (4.3)
      Microsoft.NETCore.Platforms (>= 1.1)
      Microsoft.NETCore.Targets (>= 1.1)
      System.Runtime (>= 4.3)
      System.Text.Encoding (>= 4.3)
      System.Threading.Tasks (>= 4.3)
    System.IO.Compression (4.3)
      Microsoft.NETCore.Platforms (>= 1.1)
      runtime.native.System (>= 4.3)
      runtime.native.System.IO.Compression (>= 4.3)
      System.Buffers (>= 4.3)
      System.Collections (>= 4.3)
      System.Diagnostics.Debug (>= 4.3)
      System.IO (>= 4.3)
      System.Resources.ResourceManager (>= 4.3)
      System.Runtime (>= 4.3)
      System.Runtime.Extensions (>= 4.3)
      System.Runtime.Handles (>= 4.3)
      System.Runtime.InteropServices (>= 4.3)
      System.Text.Encoding (>= 4.3)
      System.Threading (>= 4.3)
      System.Threading.Tasks (>= 4.3)
    System.IO.FileSystem.Primitives (4.3) - restriction: || (&& (== net6.0) (>= net46)) (&& (== net6.0) (< netcoreapp3.1)) (&& (== net6.0) (< netstandard2.1)) (== netstandard2.0)
      System.Runtime (>= 4.3)
    System.IO.Packaging (6.0)
    System.IO.Pipelines (6.0.2) - restriction: || (== net6.0) (&& (== netstandard2.0) (>= net6.0))
    System.IO.UnmanagedMemoryStream (4.3) - restriction: || (&& (== net6.0) (< netcoreapp3.1)) (&& (== net6.0) (< netstandard2.1)) (== netstandard2.0)
      System.Buffers (>= 4.3)
      System.Diagnostics.Debug (>= 4.3)
      System.IO (>= 4.3)
      System.IO.FileSystem.Primitives (>= 4.3)
      System.Resources.ResourceManager (>= 4.3)
      System.Runtime (>= 4.3)
      System.Runtime.InteropServices (>= 4.3)
      System.Threading (>= 4.3)
      System.Threading.Tasks (>= 4.3)
    System.Linq (4.3) - restriction: == netstandard2.0
      System.Collections (>= 4.3)
      System.Diagnostics.Debug (>= 4.3)
      System.Resources.ResourceManager (>= 4.3)
      System.Runtime (>= 4.3)
      System.Runtime.Extensions (>= 4.3)
    System.Linq.Expressions (4.3) - restriction: == netstandard2.0
      System.Collections (>= 4.3)
      System.Diagnostics.Debug (>= 4.3)
      System.Globalization (>= 4.3)
      System.IO (>= 4.3)
      System.Linq (>= 4.3)
      System.ObjectModel (>= 4.3)
      System.Reflection (>= 4.3)
      System.Reflection.Emit (>= 4.3)
      System.Reflection.Emit.ILGeneration (>= 4.3)
      System.Reflection.Emit.Lightweight (>= 4.3)
      System.Reflection.Extensions (>= 4.3)
      System.Reflection.Primitives (>= 4.3)
      System.Reflection.TypeExtensions (>= 4.3)
      System.Resources.ResourceManager (>= 4.3)
      System.Runtime (>= 4.3)
      System.Runtime.Extensions (>= 4.3)
      System.Threading (>= 4.3)
    System.Memory (4.5.4)
      System.Buffers (>= 4.5.1) - restriction: || (&& (== net6.0) (>= monotouch)) (&& (== net6.0) (>= net461)) (&& (== net6.0) (< netcoreapp2.0)) (&& (== net6.0) (< netstandard1.1)) (&& (== net6.0) (< netstandard2.0)) (&& (== net6.0) (>= xamarinios)) (&& (== net6.0) (>= xamarinmac)) (&& (== net6.0) (>= xamarintvos)) (&& (== net6.0) (>= xamarinwatchos)) (== netstandard2.0)
      System.Numerics.Vectors (>= 4.4) - restriction: || (&& (== net6.0) (< netcoreapp2.0)) (== netstandard2.0)
      System.Runtime.CompilerServices.Unsafe (>= 4.5.3) - restriction: || (&& (== net6.0) (>= monotouch)) (&& (== net6.0) (>= net461)) (&& (== net6.0) (< netcoreapp2.0)) (&& (== net6.0) (< netcoreapp2.1)) (&& (== net6.0) (< netstandard1.1)) (&& (== net6.0) (< netstandard2.0)) (&& (== net6.0) (>= uap10.1)) (&& (== net6.0) (>= xamarinios)) (&& (== net6.0) (>= xamarinmac)) (&& (== net6.0) (>= xamarintvos)) (&& (== net6.0) (>= xamarinwatchos)) (== netstandard2.0)
    System.Net.Http.Json (6.0)
      System.Buffers (>= 4.5.1) - restriction: || (&& (== net6.0) (>= net461)) (&& (== net6.0) (< net5.0)) (== netstandard2.0)
      System.Memory (>= 4.5.4) - restriction: || (&& (== net6.0) (>= net461)) (&& (== net6.0) (< net5.0)) (== netstandard2.0)
      System.Text.Json (>= 6.0)
      System.Threading.Tasks.Extensions (>= 4.5.4) - restriction: || (&& (== net6.0) (>= net461)) (&& (== net6.0) (< net5.0)) (== netstandard2.0)
    System.Numerics.Vectors (4.5)
    System.ObjectModel (4.3) - restriction: == netstandard2.0
      System.Collections (>= 4.3)
      System.Diagnostics.Debug (>= 4.3)
      System.Resources.ResourceManager (>= 4.3)
      System.Runtime (>= 4.3)
      System.Threading (>= 4.3)
    System.Reactive (5.0)
      System.Runtime.InteropServices.WindowsRuntime (>= 4.3) - restriction: || (&& (== net6.0) (< netcoreapp3.1)) (== netstandard2.0)
      System.Threading.Tasks.Extensions (>= 4.5.4) - restriction: || (&& (== net6.0) (>= net472)) (&& (== net6.0) (< netcoreapp3.1)) (&& (== net6.0) (>= uap10.1)) (== netstandard2.0)
    System.Reflection (4.3)
      Microsoft.NETCore.Platforms (>= 1.1)
      Microsoft.NETCore.Targets (>= 1.1)
      System.IO (>= 4.3)
      System.Reflection.Primitives (>= 4.3)
      System.Runtime (>= 4.3)
    System.Reflection.Emit (4.7)
      System.Reflection.Emit.ILGeneration (>= 4.7) - restriction: || (&& (== net6.0) (< netcoreapp2.0) (< netstandard2.1)) (&& (== net6.0) (< netstandard1.1)) (&& (== net6.0) (< netstandard2.0)) (&& (== net6.0) (>= uap10.1)) (== netstandard2.0)
    System.Reflection.Emit.ILGeneration (4.7) - restriction: == netstandard2.0
    System.Reflection.Emit.Lightweight (4.7) - restriction: == netstandard2.0
      System.Reflection.Emit.ILGeneration (>= 4.7) - restriction: || (&& (== net6.0) (< netcoreapp2.0) (< netstandard2.1)) (&& (== net6.0) (< netstandard2.0)) (&& (== net6.0) (< portable-net45+wp8)) (&& (== net6.0) (>= uap10.1)) (== netstandard2.0)
    System.Reflection.Extensions (4.3) - restriction: == netstandard2.0
      Microsoft.NETCore.Platforms (>= 1.1)
      Microsoft.NETCore.Targets (>= 1.1)
      System.Reflection (>= 4.3)
      System.Runtime (>= 4.3)
    System.Reflection.Metadata (6.0)
      System.Collections.Immutable (>= 6.0)
    System.Reflection.Primitives (4.3)
      Microsoft.NETCore.Platforms (>= 1.1)
      Microsoft.NETCore.Targets (>= 1.1)
      System.Runtime (>= 4.3)
    System.Reflection.TypeExtensions (4.7) - restriction: == netstandard2.0
    System.Resources.ResourceManager (4.3)
      Microsoft.NETCore.Platforms (>= 1.1)
      Microsoft.NETCore.Targets (>= 1.1)
      System.Globalization (>= 4.3)
      System.Reflection (>= 4.3)
      System.Runtime (>= 4.3)
    System.Runtime (4.3.1)
      Microsoft.NETCore.Platforms (>= 1.1.1)
      Microsoft.NETCore.Targets (>= 1.1.3)
    System.Runtime.CompilerServices.Unsafe (6.0)
    System.Runtime.Extensions (4.3.1)
      Microsoft.NETCore.Platforms (>= 1.1.1)
      Microsoft.NETCore.Targets (>= 1.1.3)
      System.Runtime (>= 4.3.1)
    System.Runtime.Handles (4.3)
      Microsoft.NETCore.Platforms (>= 1.1)
      Microsoft.NETCore.Targets (>= 1.1)
      System.Runtime (>= 4.3)
    System.Runtime.InteropServices (4.3)
      Microsoft.NETCore.Platforms (>= 1.1)
      Microsoft.NETCore.Targets (>= 1.1)
      System.Reflection (>= 4.3)
      System.Reflection.Primitives (>= 4.3)
      System.Runtime (>= 4.3)
      System.Runtime.Handles (>= 4.3)
    System.Runtime.InteropServices.WindowsRuntime (4.3) - restriction: || (&& (== net6.0) (< netcoreapp3.1)) (== netstandard2.0)
      System.Runtime (>= 4.3)
    System.Runtime.Serialization.Primitives (4.3) - restriction: == netstandard2.0
      System.Resources.ResourceManager (>= 4.3)
      System.Runtime (>= 4.3)
    System.Security.Principal.Windows (5.0)
    System.Text.Encoding (4.3)
      Microsoft.NETCore.Platforms (>= 1.1)
      Microsoft.NETCore.Targets (>= 1.1)
      System.Runtime (>= 4.3)
    System.Text.Encoding.CodePages (6.0)
      System.Memory (>= 4.5.4) - restriction: || (&& (== net6.0) (>= net461)) (&& (== net6.0) (< netcoreapp3.1)) (== netstandard2.0)
      System.Runtime.CompilerServices.Unsafe (>= 6.0)
    System.Text.Encodings.Web (6.0)
      System.Buffers (>= 4.5.1) - restriction: || (&& (== net6.0) (>= net461)) (&& (== net6.0) (< netcoreapp3.1)) (== netstandard2.0)
      System.Memory (>= 4.5.4) - restriction: || (&& (== net6.0) (>= net461)) (&& (== net6.0) (< netcoreapp3.1)) (== netstandard2.0)
      System.Runtime.CompilerServices.Unsafe (>= 6.0)
    System.Text.Json (6.0.2)
      Microsoft.Bcl.AsyncInterfaces (>= 6.0) - restriction: || (&& (== net6.0) (>= net461)) (&& (== net6.0) (< netcoreapp3.1)) (== netstandard2.0)
      System.Buffers (>= 4.5.1) - restriction: || (&& (== net6.0) (>= net461)) (&& (== net6.0) (< netcoreapp3.1)) (== netstandard2.0)
      System.Memory (>= 4.5.4) - restriction: || (&& (== net6.0) (>= net461)) (&& (== net6.0) (< netcoreapp3.1)) (== netstandard2.0)
      System.Numerics.Vectors (>= 4.5) - restriction: || (&& (== net6.0) (>= net461)) (&& (== net6.0) (< netcoreapp3.1)) (== netstandard2.0)
      System.Runtime.CompilerServices.Unsafe (>= 6.0)
      System.Text.Encodings.Web (>= 6.0)
      System.Threading.Tasks.Extensions (>= 4.5.4) - restriction: || (&& (== net6.0) (>= net461)) (&& (== net6.0) (< netcoreapp3.1)) (== netstandard2.0)
    System.Threading (4.3)
      System.Runtime (>= 4.3)
      System.Threading.Tasks (>= 4.3)
    System.Threading.Tasks (4.3)
      Microsoft.NETCore.Platforms (>= 1.1)
      Microsoft.NETCore.Targets (>= 1.1)
      System.Runtime (>= 4.3)
    System.Threading.Tasks.Extensions (4.5.4)
      System.Runtime.CompilerServices.Unsafe (>= 4.5.3) - restriction: || (&& (== net6.0) (>= net461)) (&& (== net6.0) (< netcoreapp2.1)) (&& (== net6.0) (< netstandard1.0)) (&& (== net6.0) (< netstandard2.0)) (&& (== net6.0) (>= wp8)) (== netstandard2.0)
    System.Threading.Tasks.Parallel (4.3) - restriction: || (&& (== net6.0) (< netcoreapp3.1)) (&& (== net6.0) (< netstandard2.1)) (== netstandard2.0)
      System.Collections.Concurrent (>= 4.3)
      System.Diagnostics.Debug (>= 4.3)
      System.Diagnostics.Tracing (>= 4.3)
      System.Resources.ResourceManager (>= 4.3)
      System.Runtime (>= 4.3)
      System.Runtime.Extensions (>= 4.3)
      System.Threading (>= 4.3)
      System.Threading.Tasks (>= 4.3)
    System.ValueTuple (4.5)
    Tmds.DBus (0.10.1)
      System.Reflection.Emit (>= 4.7)
      System.Security.Principal.Windows (>= 4.7)

GROUP Tests
NUGET
  remote: https://api.nuget.org/v3/index.json
    Microsoft.CodeCoverage (17.0) - restriction: || (>= net45) (>= netcoreapp1.0)
    Microsoft.CSharp (4.7) - restriction: || (&& (< netstandard1.3) (>= uap10.0)) (&& (< netstandard2.0) (>= uap10.0))
    Microsoft.NET.Test.Sdk (17.0)
      Microsoft.CodeCoverage (>= 17.0) - restriction: || (>= net45) (>= netcoreapp1.0)
      Microsoft.TestPlatform.TestHost (>= 17.0) - restriction: >= netcoreapp1.0
      Newtonsoft.Json (>= 9.0.1) - restriction: >= uap10.0
      System.ComponentModel.Primitives (>= 4.1) - restriction: >= uap10.0
      System.ComponentModel.TypeConverter (>= 4.1) - restriction: >= uap10.0
      System.Runtime.InteropServices.RuntimeInformation (>= 4.0) - restriction: >= uap10.0
    Microsoft.NETCore.Platforms (6.0.1) - restriction: || (&& (>= monoandroid) (>= netcoreapp2.1) (< netstandard1.3)) (&& (< monoandroid) (>= netcoreapp1.0) (< netcoreapp2.1) (< xamarinios) (< xamarinmac) (< xamarintvos) (< xamarinwatchos)) (&& (< monoandroid) (>= netcoreapp1.0) (< netstandard1.2)) (&& (< monoandroid) (>= netcoreapp1.0) (< netstandard1.3)) (&& (< monoandroid) (>= netcoreapp1.0) (< netstandard1.5)) (&& (>= monotouch) (>= netcoreapp2.1)) (&& (< net35) (>= netstandard2.0)) (&& (>= net461) (>= netcoreapp2.1)) (>= netcoreapp2.0) (&& (>= netcoreapp2.1) (>= uap10.1)) (&& (>= netcoreapp2.1) (< xamarinios) (< xamarinmac) (< xamarintvos) (< xamarinwatchos)) (&& (< netstandard1.0) (>= netstandard2.0) (>= win8)) (&& (< netstandard1.3) (>= netstandard2.0) (< win8) (>= wpa81)) (&& (< netstandard1.5) (>= netstandard2.0) (>= uap10.0)) (&& (>= netstandard2.0) (>= uap10.1)) (&& (>= netstandard2.0) (>= wp8))
    Microsoft.NETCore.Targets (5.0) - restriction: || (&& (< monoandroid) (>= netcoreapp1.0) (< netcoreapp2.1) (< xamarinios) (< xamarinmac) (< xamarintvos) (< xamarinwatchos)) (&& (< monoandroid) (>= netcoreapp1.0) (< netstandard1.2)) (&& (< monoandroid) (>= netcoreapp1.0) (< netstandard1.3)) (&& (< monoandroid) (>= netcoreapp1.0) (< netstandard1.5))
    Microsoft.TestPlatform.ObjectModel (17.0) - restriction: >= netcoreapp1.0
      NuGet.Frameworks (>= 4.6.4) - restriction: && (>= netcoreapp1.0) (< netstandard2.0)
      NuGet.Frameworks (>= 5.0) - restriction: || (&& (>= net45) (< netstandard1.3)) (&& (< net45) (< netcoreapp1.0) (>= netstandard2.0) (< uap10.0)) (>= net451) (>= netcoreapp2.1)
      System.Reflection.Metadata (>= 1.6) - restriction: || (&& (>= net45) (< netstandard1.3)) (&& (< net45) (< netcoreapp1.0) (>= netstandard1.3) (< netstandard2.0) (< uap10.0)) (&& (< net45) (< netcoreapp1.0) (>= netstandard2.0) (< uap10.0)) (>= net451) (&& (>= netcoreapp1.0) (< netstandard2.0)) (>= netcoreapp2.1)
    Microsoft.TestPlatform.TestHost (17.0) - restriction: >= netcoreapp1.0
      Microsoft.TestPlatform.ObjectModel (>= 17.0) - restriction: || (>= netcoreapp1.0) (>= uap10.0)
      Newtonsoft.Json (>= 9.0.1) - restriction: || (>= netcoreapp1.0) (>= uap10.0)
      System.Diagnostics.Process (>= 4.1) - restriction: && (>= netcoreapp1.0) (< netcoreapp2.1)
      System.Diagnostics.StackTrace (>= 4.3) - restriction: && (>= netcoreapp1.0) (< netcoreapp2.1)
      System.Diagnostics.TextWriterTraceListener (>= 4.0) - restriction: && (>= netcoreapp1.0) (< netcoreapp2.1)
      System.Diagnostics.TraceSource (>= 4.3) - restriction: && (>= netcoreapp1.0) (< netcoreapp2.1)
      System.Runtime.InteropServices.RuntimeInformation (>= 4.0) - restriction: && (>= netcoreapp1.0) (< netcoreapp2.1)
      System.Runtime.Loader (>= 4.0) - restriction: && (>= netcoreapp1.0) (< netcoreapp2.1)
      System.Threading.Thread (>= 4.0) - restriction: && (>= netcoreapp1.0) (< netcoreapp2.1)
    Microsoft.Win32.Primitives (4.3) - restriction: && (>= netcoreapp1.0) (< netcoreapp2.1) (< xamarinios) (< xamarinmac) (< xamarintvos) (< xamarinwatchos)
      Microsoft.NETCore.Platforms (>= 1.1) - restriction: && (< monoandroid) (< monotouch) (< net46) (>= netstandard1.3) (< xamarinios) (< xamarinmac) (< xamarintvos) (< xamarinwatchos)
      Microsoft.NETCore.Targets (>= 1.1) - restriction: && (< monoandroid) (< monotouch) (< net46) (>= netstandard1.3) (< xamarinios) (< xamarinmac) (< xamarintvos) (< xamarinwatchos)
      System.Runtime (>= 4.3) - restriction: && (< monoandroid) (< monotouch) (< net46) (>= netstandard1.3) (< xamarinios) (< xamarinmac) (< xamarintvos) (< xamarinwatchos)
    Microsoft.Win32.Registry (5.0) - restriction: && (>= netcoreapp1.0) (< netcoreapp2.1) (< xamarinios) (< xamarinmac) (< xamarintvos) (< xamarinwatchos)
      NETStandard.Library (>= 1.6.1) - restriction: && (< monoandroid) (< monotouch) (< net46) (>= netstandard1.3) (< netstandard2.0) (< uap10.1) (< xamarintvos) (< xamarinwatchos)
      System.Memory (>= 4.5.4) - restriction: || (&& (< monoandroid) (>= netcoreapp2.0) (< netcoreapp2.1) (< xamarinios) (< xamarinmac) (< xamarintvos) (< xamarinwatchos)) (&& (< net46) (< netcoreapp2.0) (>= netstandard2.0) (< xamarinios) (< xamarinmac) (< xamarintvos) (< xamarinwatchos)) (>= uap10.1)
      System.Security.AccessControl (>= 5.0) - restriction: || (&& (>= monoandroid) (< netstandard1.3)) (&& (< monoandroid) (>= netcoreapp2.0)) (>= monotouch) (&& (< net46) (< netcoreapp2.0) (>= netstandard2.0)) (>= net461) (>= netcoreapp2.1) (>= uap10.1) (>= xamarinios) (>= xamarinmac) (>= xamarintvos) (>= xamarinwatchos)
      System.Security.Principal.Windows (>= 5.0) - restriction: || (&& (>= monoandroid) (< netstandard1.3)) (&& (< monoandroid) (>= netcoreapp2.0)) (>= monotouch) (&& (< net46) (< netcoreapp2.0) (>= netstandard2.0)) (>= net461) (>= netcoreapp2.1) (>= uap10.1) (>= xamarinios) (>= xamarinmac) (>= xamarintvos) (>= xamarinwatchos)
    NETStandard.Library (2.0.3) - restriction: || (&& (< monoandroid) (>= netcoreapp1.0) (< netstandard2.0) (< xamarintvos) (< xamarinwatchos)) (&& (< net35) (>= netstandard2.0)) (&& (< netstandard1.3) (>= uap10.0)) (&& (< netstandard2.0) (>= uap10.0))
      Microsoft.NETCore.Platforms (>= 1.1) - restriction: || (&& (>= net45) (< netstandard1.3)) (&& (< net45) (>= netstandard1.1) (< netstandard1.2) (< win8)) (&& (< net45) (>= netstandard1.2) (< netstandard1.3) (< win8) (< wpa81)) (&& (< net45) (>= netstandard1.3) (< netstandard1.4) (< win8) (< wpa81)) (&& (< net45) (>= netstandard1.4) (< netstandard1.5) (< win8) (< wpa81)) (&& (< net45) (>= netstandard1.5) (< netstandard1.6) (< win8) (< wpa81)) (&& (< net45) (>= netstandard1.6) (< netstandard2.0) (< win8) (< wpa81)) (&& (< net45) (>= netstandard2.0)) (&& (>= net46) (< netstandard1.4)) (>= net461) (>= netcoreapp2.0) (&& (>= netstandard1.0) (< portable-net45+win8+wpa81)) (&& (< netstandard1.0) (>= portable-net45+win8) (< win8)) (&& (< netstandard1.0) (< portable-net45+win8) (>= portable-net45+win8+wpa81)) (&& (< netstandard1.0) (>= portable-net45+win8+wp8+wpa81) (< portable-net45+win8+wpa81)) (&& (< netstandard1.0) (>= win8)) (&& (< netstandard1.3) (< win8) (>= wpa81)) (&& (< netstandard1.5) (>= uap10.0)) (>= uap10.1) (>= wp8)
    Newtonsoft.Json (13.0.1) - restriction: || (>= netcoreapp1.0) (>= uap10.0)
      Microsoft.CSharp (>= 4.3) - restriction: || (&& (< net20) (>= netstandard1.0) (< netstandard1.3)) (&& (< net20) (>= netstandard1.3) (< netstandard2.0))
      NETStandard.Library (>= 1.6.1) - restriction: || (&& (< net20) (>= netstandard1.0) (< netstandard1.3)) (&& (< net20) (>= netstandard1.3) (< netstandard2.0))
      System.ComponentModel.TypeConverter (>= 4.3) - restriction: || (&& (< net20) (>= netstandard1.0) (< netstandard1.3)) (&& (< net20) (>= netstandard1.3) (< netstandard2.0))
      System.Runtime.Serialization.Formatters (>= 4.3) - restriction: && (< net20) (>= netstandard1.3) (< netstandard2.0)
      System.Runtime.Serialization.Primitives (>= 4.3) - restriction: || (&& (< net20) (>= netstandard1.0) (< netstandard1.3)) (&& (< net20) (>= netstandard1.3) (< netstandard2.0))
      System.Xml.XmlDocument (>= 4.3) - restriction: && (< net20) (>= netstandard1.3) (< netstandard2.0)
    NuGet.Frameworks (6.0) - restriction: || (&& (>= net45) (>= netcoreapp1.0) (< netstandard1.3)) (&& (>= net451) (>= netcoreapp1.0)) (&& (>= netcoreapp1.0) (< netstandard2.0)) (>= netcoreapp2.1)
    NUnit (3.13.2)
      NETStandard.Library (>= 2.0) - restriction: && (< net35) (>= netstandard2.0)
    NUnit3TestAdapter (4.2.1)
    runtime.native.System (4.3.1) - restriction: && (< monoandroid) (>= netcoreapp1.0) (< netcoreapp2.1) (< xamarinios) (< xamarinmac) (< xamarintvos) (< xamarinwatchos)
      Microsoft.NETCore.Platforms (>= 1.1.1)
      Microsoft.NETCore.Targets (>= 1.1.3)
    System.Collections (4.3) - restriction: || (&& (< monoandroid) (>= netcoreapp1.0) (< netcoreapp2.1) (< xamarinios) (< xamarinmac) (< xamarintvos) (< xamarinwatchos)) (&& (< netstandard2.0) (>= uap10.0))
      Microsoft.NETCore.Platforms (>= 1.1) - restriction: || (&& (< monoandroid) (< monotouch) (< net45) (>= netstandard1.3) (< win8) (< wpa81) (< xamarinios) (< xamarinmac) (< xamarintvos) (< xamarinwatchos)) (&& (< monoandroid) (< net45) (>= netstandard1.0) (< netstandard1.3) (< win8) (< wp8) (< wpa81))
      Microsoft.NETCore.Targets (>= 1.1) - restriction: || (&& (< monoandroid) (< monotouch) (< net45) (>= netstandard1.3) (< win8) (< wpa81) (< xamarinios) (< xamarinmac) (< xamarintvos) (< xamarinwatchos)) (&& (< monoandroid) (< net45) (>= netstandard1.0) (< netstandard1.3) (< win8) (< wp8) (< wpa81))
      System.Runtime (>= 4.3) - restriction: || (&& (< monoandroid) (< monotouch) (< net45) (>= netstandard1.3) (< win8) (< wpa81) (< xamarinios) (< xamarinmac) (< xamarintvos) (< xamarinwatchos)) (&& (< monoandroid) (< net45) (>= netstandard1.0) (< netstandard1.3) (< win8) (< wp8) (< wpa81))
    System.Collections.Immutable (6.0) - restriction: || (&& (>= net45) (>= netcoreapp1.0) (< netstandard1.3) (>= netstandard2.0)) (&& (>= net451) (>= netcoreapp1.0) (>= netstandard2.0)) (&& (>= net461) (>= netcoreapp1.0)) (>= netcoreapp2.1)
      System.Memory (>= 4.5.4) - restriction: || (>= net461) (&& (< net6.0) (>= netstandard2.0))
      System.Runtime.CompilerServices.Unsafe (>= 6.0) - restriction: || (>= net461) (>= netstandard2.0)
    System.ComponentModel.Primitives (4.3) - restriction: >= uap10.0
    System.ComponentModel.TypeConverter (4.3) - restriction: >= uap10.0
      System.ComponentModel.Primitives (>= 4.3) - restriction: || (&& (< monoandroid) (< net45) (>= netstandard1.0) (< netstandard1.5) (< win8)) (&& (< monotouch) (< net45) (>= netstandard1.5) (< win8) (< xamarinios) (< xamarinmac) (< xamarintvos) (< xamarinwatchos)) (&& (>= net45) (< netstandard1.5)) (>= net462) (&& (< netstandard1.0) (>= win8)) (>= wp8) (>= wpa81)
    System.Diagnostics.Debug (4.3) - restriction: || (&& (< monoandroid) (>= netcoreapp1.0) (< netcoreapp2.1) (< xamarinios) (< xamarinmac) (< xamarintvos) (< xamarinwatchos)) (&& (< netstandard2.0) (>= uap10.0))
      Microsoft.NETCore.Platforms (>= 1.1) - restriction: || (&& (< monoandroid) (< monotouch) (< net45) (>= netstandard1.3) (< win8) (< wpa81) (< xamarinios) (< xamarinmac) (< xamarintvos) (< xamarinwatchos)) (&& (< monoandroid) (< net45) (>= netstandard1.0) (< netstandard1.3) (< win8) (< wp8) (< wpa81))
      Microsoft.NETCore.Targets (>= 1.1) - restriction: || (&& (< monoandroid) (< monotouch) (< net45) (>= netstandard1.3) (< win8) (< wpa81) (< xamarinios) (< xamarinmac) (< xamarintvos) (< xamarinwatchos)) (&& (< monoandroid) (< net45) (>= netstandard1.0) (< netstandard1.3) (< win8) (< wp8) (< wpa81))
      System.Runtime (>= 4.3) - restriction: || (&& (< monoandroid) (< monotouch) (< net45) (>= netstandard1.3) (< win8) (< wpa81) (< xamarinios) (< xamarinmac) (< xamarintvos) (< xamarinwatchos)) (&& (< monoandroid) (< net45) (>= netstandard1.0) (< netstandard1.3) (< win8) (< wp8) (< wpa81))
    System.Diagnostics.Process (4.3) - restriction: && (>= netcoreapp1.0) (< netcoreapp2.1)
      Microsoft.NETCore.Platforms (>= 1.1) - restriction: && (< monotouch) (< net46) (>= netstandard1.4) (< xamarinios) (< xamarinmac) (< xamarintvos) (< xamarinwatchos)
      Microsoft.Win32.Primitives (>= 4.3) - restriction: && (< monotouch) (< net46) (>= netstandard1.4) (< xamarinios) (< xamarinmac) (< xamarintvos) (< xamarinwatchos)
      Microsoft.Win32.Registry (>= 4.3) - restriction: && (< monotouch) (< net46) (>= netstandard1.4) (< xamarinios) (< xamarinmac) (< xamarintvos) (< xamarinwatchos)
      runtime.native.System (>= 4.3) - restriction: && (< monotouch) (< net46) (>= netstandard1.4) (< xamarinios) (< xamarinmac) (< xamarintvos) (< xamarinwatchos)
      System.Collections (>= 4.3) - restriction: && (< monotouch) (< net46) (>= netstandard1.4) (< xamarinios) (< xamarinmac) (< xamarintvos) (< xamarinwatchos)
      System.Diagnostics.Debug (>= 4.3) - restriction: && (< monotouch) (< net46) (>= netstandard1.4) (< xamarinios) (< xamarinmac) (< xamarintvos) (< xamarinwatchos)
      System.Globalization (>= 4.3) - restriction: && (< monotouch) (< net46) (>= netstandard1.4) (< xamarinios) (< xamarinmac) (< xamarintvos) (< xamarinwatchos)
      System.IO (>= 4.3) - restriction: || (&& (< monoandroid) (< net46) (>= netstandard1.3) (< netstandard1.4)) (&& (< monotouch) (< net46) (>= netstandard1.4) (< xamarinios) (< xamarinmac) (< xamarintvos) (< xamarinwatchos))
      System.IO.FileSystem (>= 4.3) - restriction: && (< monotouch) (< net46) (>= netstandard1.4) (< xamarinios) (< xamarinmac) (< xamarintvos) (< xamarinwatchos)
      System.IO.FileSystem.Primitives (>= 4.3) - restriction: && (< monotouch) (< net46) (>= netstandard1.4) (< xamarinios) (< xamarinmac) (< xamarintvos) (< xamarinwatchos)
      System.Resources.ResourceManager (>= 4.3) - restriction: && (< monotouch) (< net46) (>= netstandard1.4) (< xamarinios) (< xamarinmac) (< xamarintvos) (< xamarinwatchos)
      System.Runtime (>= 4.3) - restriction: || (&& (< monoandroid) (< net46) (>= netstandard1.3) (< netstandard1.4)) (&& (< monotouch) (< net46) (>= netstandard1.4) (< xamarinios) (< xamarinmac) (< xamarintvos) (< xamarinwatchos))
      System.Runtime.Extensions (>= 4.3) - restriction: && (< monotouch) (< net46) (>= netstandard1.4) (< xamarinios) (< xamarinmac) (< xamarintvos) (< xamarinwatchos)
      System.Runtime.Handles (>= 4.3) - restriction: || (&& (< monoandroid) (< net46) (>= netstandard1.3) (< netstandard1.4)) (&& (< monotouch) (< net46) (>= netstandard1.4) (< xamarinios) (< xamarinmac) (< xamarintvos) (< xamarinwatchos))
      System.Runtime.InteropServices (>= 4.3) - restriction: && (< monotouch) (< net46) (>= netstandard1.4) (< xamarinios) (< xamarinmac) (< xamarintvos) (< xamarinwatchos)
      System.Text.Encoding (>= 4.3) - restriction: || (&& (< monoandroid) (< net46) (>= netstandard1.3) (< netstandard1.4)) (&& (< monotouch) (< net46) (>= netstandard1.4) (< xamarinios) (< xamarinmac) (< xamarintvos) (< xamarinwatchos))
      System.Text.Encoding.Extensions (>= 4.3) - restriction: && (< monotouch) (< net46) (>= netstandard1.4) (< xamarinios) (< xamarinmac) (< xamarintvos) (< xamarinwatchos)
      System.Threading (>= 4.3) - restriction: && (< monotouch) (< net46) (>= netstandard1.4) (< xamarinios) (< xamarinmac) (< xamarintvos) (< xamarinwatchos)
      System.Threading.Tasks (>= 4.3) - restriction: && (< monotouch) (< net46) (>= netstandard1.4) (< xamarinios) (< xamarinmac) (< xamarintvos) (< xamarinwatchos)
      System.Threading.Thread (>= 4.3) - restriction: && (< monotouch) (< net46) (>= netstandard1.4) (< xamarinios) (< xamarinmac) (< xamarintvos) (< xamarinwatchos)
      System.Threading.ThreadPool (>= 4.3) - restriction: && (< monotouch) (< net46) (>= netstandard1.4) (< xamarinios) (< xamarinmac) (< xamarintvos) (< xamarinwatchos)
    System.Diagnostics.StackTrace (4.3) - restriction: && (>= netcoreapp1.0) (< netcoreapp2.1)
      System.IO.FileSystem (>= 4.3) - restriction: && (< monoandroid) (< monotouch) (< net46) (>= netstandard1.3) (< xamarinios) (< xamarinmac) (< xamarintvos) (< xamarinwatchos)
      System.Reflection (>= 4.3) - restriction: && (< monoandroid) (< monotouch) (< net46) (>= netstandard1.3) (< xamarinios) (< xamarinmac) (< xamarintvos) (< xamarinwatchos)
      System.Reflection.Metadata (>= 1.4.1) - restriction: && (< monoandroid) (< monotouch) (< net46) (>= netstandard1.3) (< xamarinios) (< xamarinmac) (< xamarintvos) (< xamarinwatchos)
      System.Runtime (>= 4.3) - restriction: && (< monoandroid) (< monotouch) (< net46) (>= netstandard1.3) (< xamarinios) (< xamarinmac) (< xamarintvos) (< xamarinwatchos)
    System.Diagnostics.TextWriterTraceListener (4.3) - restriction: && (>= netcoreapp1.0) (< netcoreapp2.1)
      System.Diagnostics.TraceSource (>= 4.3) - restriction: || (&& (< monoandroid) (< monotouch) (>= netstandard1.3) (< xamarinios) (< xamarinmac) (< xamarintvos) (< xamarinwatchos)) (>= net46)
      System.Globalization (>= 4.3) - restriction: && (< monoandroid) (< monotouch) (< net46) (>= netstandard1.3) (< xamarinios) (< xamarinmac) (< xamarintvos) (< xamarinwatchos)
      System.IO (>= 4.3) - restriction: && (< monoandroid) (< monotouch) (< net46) (>= netstandard1.3) (< xamarinios) (< xamarinmac) (< xamarintvos) (< xamarinwatchos)
      System.Resources.ResourceManager (>= 4.3) - restriction: && (< monoandroid) (< monotouch) (< net46) (>= netstandard1.3) (< xamarinios) (< xamarinmac) (< xamarintvos) (< xamarinwatchos)
      System.Runtime (>= 4.3) - restriction: && (< monoandroid) (< monotouch) (< net46) (>= netstandard1.3) (< xamarinios) (< xamarinmac) (< xamarintvos) (< xamarinwatchos)
      System.Threading (>= 4.3) - restriction: && (< monoandroid) (< monotouch) (< net46) (>= netstandard1.3) (< xamarinios) (< xamarinmac) (< xamarintvos) (< xamarinwatchos)
    System.Diagnostics.TraceSource (4.3) - restriction: && (>= netcoreapp1.0) (< netcoreapp2.1)
      Microsoft.NETCore.Platforms (>= 1.1) - restriction: && (< monoandroid) (< monotouch) (< net46) (>= netstandard1.3) (< xamarinios) (< xamarinmac) (< xamarintvos) (< xamarinwatchos)
      runtime.native.System (>= 4.3) - restriction: && (< monoandroid) (< monotouch) (< net46) (>= netstandard1.3) (< xamarinios) (< xamarinmac) (< xamarintvos) (< xamarinwatchos)
      System.Collections (>= 4.3) - restriction: && (< monoandroid) (< monotouch) (< net46) (>= netstandard1.3) (< xamarinios) (< xamarinmac) (< xamarintvos) (< xamarinwatchos)
      System.Diagnostics.Debug (>= 4.3) - restriction: && (< monoandroid) (< monotouch) (< net46) (>= netstandard1.3) (< xamarinios) (< xamarinmac) (< xamarintvos) (< xamarinwatchos)
      System.Globalization (>= 4.3) - restriction: && (< monoandroid) (< monotouch) (< net46) (>= netstandard1.3) (< xamarinios) (< xamarinmac) (< xamarintvos) (< xamarinwatchos)
      System.Resources.ResourceManager (>= 4.3) - restriction: && (< monoandroid) (< monotouch) (< net46) (>= netstandard1.3) (< xamarinios) (< xamarinmac) (< xamarintvos) (< xamarinwatchos)
      System.Runtime (>= 4.3) - restriction: && (< monoandroid) (< monotouch) (< net46) (>= netstandard1.3) (< xamarinios) (< xamarinmac) (< xamarintvos) (< xamarinwatchos)
      System.Runtime.Extensions (>= 4.3) - restriction: && (< monoandroid) (< monotouch) (< net46) (>= netstandard1.3) (< xamarinios) (< xamarinmac) (< xamarintvos) (< xamarinwatchos)
      System.Threading (>= 4.3) - restriction: && (< monoandroid) (< monotouch) (< net46) (>= netstandard1.3) (< xamarinios) (< xamarinmac) (< xamarintvos) (< xamarinwatchos)
    System.Globalization (4.3) - restriction: || (&& (< monoandroid) (>= netcoreapp1.0) (< netcoreapp2.1) (< xamarinios) (< xamarinmac) (< xamarintvos) (< xamarinwatchos)) (&& (< netstandard2.0) (>= uap10.0))
      Microsoft.NETCore.Platforms (>= 1.1) - restriction: || (&& (< monoandroid) (< monotouch) (< net45) (>= netstandard1.3) (< win8) (< wpa81) (< xamarinios) (< xamarinmac) (< xamarintvos) (< xamarinwatchos)) (&& (< monoandroid) (< net45) (>= netstandard1.0) (< netstandard1.3) (< win8) (< wp8) (< wpa81))
      Microsoft.NETCore.Targets (>= 1.1) - restriction: || (&& (< monoandroid) (< monotouch) (< net45) (>= netstandard1.3) (< win8) (< wpa81) (< xamarinios) (< xamarinmac) (< xamarintvos) (< xamarinwatchos)) (&& (< monoandroid) (< net45) (>= netstandard1.0) (< netstandard1.3) (< win8) (< wp8) (< wpa81))
      System.Runtime (>= 4.3) - restriction: || (&& (< monoandroid) (< monotouch) (< net45) (>= netstandard1.3) (< win8) (< wpa81) (< xamarinios) (< xamarinmac) (< xamarintvos) (< xamarinwatchos)) (&& (< monoandroid) (< net45) (>= netstandard1.0) (< netstandard1.3) (< win8) (< wp8) (< wpa81))
    System.IO (4.3) - restriction: || (&& (< monoandroid) (>= netcoreapp1.0) (< netstandard1.4)) (&& (>= netcoreapp1.0) (< netcoreapp2.1) (< xamarinios) (< xamarinmac) (< xamarintvos) (< xamarinwatchos)) (&& (< netstandard2.0) (>= uap10.0))
      Microsoft.NETCore.Platforms (>= 1.1) - restriction: || (&& (< monoandroid) (< net45) (>= netstandard1.0) (< netstandard1.3) (< win8) (< wp8) (< wpa81)) (&& (< monoandroid) (< net45) (>= netstandard1.3) (< netstandard1.5) (< win8) (< wpa81)) (&& (< monotouch) (< net45) (>= netstandard1.5) (< win8) (< wpa81) (< xamarinios) (< xamarinmac) (< xamarintvos) (< xamarinwatchos))
      Microsoft.NETCore.Targets (>= 1.1) - restriction: || (&& (< monoandroid) (< net45) (>= netstandard1.0) (< netstandard1.3) (< win8) (< wp8) (< wpa81)) (&& (< monoandroid) (< net45) (>= netstandard1.3) (< netstandard1.5) (< win8) (< wpa81)) (&& (< monotouch) (< net45) (>= netstandard1.5) (< win8) (< wpa81) (< xamarinios) (< xamarinmac) (< xamarintvos) (< xamarinwatchos))
      System.Runtime (>= 4.3) - restriction: || (&& (< monoandroid) (< net45) (>= netstandard1.0) (< netstandard1.3) (< win8) (< wp8) (< wpa81)) (&& (< monoandroid) (< net45) (>= netstandard1.3) (< netstandard1.5) (< win8) (< wpa81)) (&& (< monotouch) (< net45) (>= netstandard1.5) (< win8) (< wpa81) (< xamarinios) (< xamarinmac) (< xamarintvos) (< xamarinwatchos))
      System.Text.Encoding (>= 4.3) - restriction: || (&& (< monoandroid) (< net45) (>= netstandard1.0) (< netstandard1.3) (< win8) (< wp8) (< wpa81)) (&& (< monoandroid) (< net45) (>= netstandard1.3) (< netstandard1.5) (< win8) (< wpa81)) (&& (< monotouch) (< net45) (>= netstandard1.5) (< win8) (< wpa81) (< xamarinios) (< xamarinmac) (< xamarintvos) (< xamarinwatchos))
      System.Threading.Tasks (>= 4.3) - restriction: || (&& (< monoandroid) (< net45) (>= netstandard1.0) (< netstandard1.3) (< win8) (< wp8) (< wpa81)) (&& (< monoandroid) (< net45) (>= netstandard1.3) (< netstandard1.5) (< win8) (< wpa81)) (&& (< monotouch) (< net45) (>= netstandard1.5) (< win8) (< wpa81) (< xamarinios) (< xamarinmac) (< xamarintvos) (< xamarinwatchos))
    System.IO.FileSystem (4.3) - restriction: && (< monoandroid) (>= netcoreapp1.0) (< netcoreapp2.1) (< xamarinios) (< xamarinmac) (< xamarintvos) (< xamarinwatchos)
      Microsoft.NETCore.Platforms (>= 1.1) - restriction: && (< monoandroid) (< monotouch) (< net46) (>= netstandard1.3) (< xamarinios) (< xamarinmac) (< xamarintvos) (< xamarinwatchos)
      Microsoft.NETCore.Targets (>= 1.1) - restriction: && (< monoandroid) (< monotouch) (< net46) (>= netstandard1.3) (< xamarinios) (< xamarinmac) (< xamarintvos) (< xamarinwatchos)
      System.IO (>= 4.3) - restriction: && (< monoandroid) (< monotouch) (< net46) (>= netstandard1.3) (< xamarinios) (< xamarinmac) (< xamarintvos) (< xamarinwatchos)
      System.IO.FileSystem.Primitives (>= 4.3) - restriction: || (&& (< monoandroid) (< monotouch) (>= netstandard1.3) (< xamarinios) (< xamarinmac) (< xamarintvos) (< xamarinwatchos)) (>= net46)
      System.Runtime (>= 4.3) - restriction: && (< monoandroid) (< monotouch) (< net46) (>= netstandard1.3) (< xamarinios) (< xamarinmac) (< xamarintvos) (< xamarinwatchos)
      System.Runtime.Handles (>= 4.3) - restriction: && (< monoandroid) (< monotouch) (< net46) (>= netstandard1.3) (< xamarinios) (< xamarinmac) (< xamarintvos) (< xamarinwatchos)
      System.Text.Encoding (>= 4.3) - restriction: && (< monoandroid) (< monotouch) (< net46) (>= netstandard1.3) (< xamarinios) (< xamarinmac) (< xamarintvos) (< xamarinwatchos)
      System.Threading.Tasks (>= 4.3) - restriction: && (< monoandroid) (< monotouch) (< net46) (>= netstandard1.3) (< xamarinios) (< xamarinmac) (< xamarintvos) (< xamarinwatchos)
    System.IO.FileSystem.Primitives (4.3) - restriction: && (>= netcoreapp1.0) (< netcoreapp2.1) (< xamarinios) (< xamarinmac) (< xamarintvos) (< xamarinwatchos)
      System.Runtime (>= 4.3) - restriction: && (< monoandroid) (< monotouch) (< net46) (>= netstandard1.3) (< xamarinios) (< xamarinmac) (< xamarintvos) (< xamarinwatchos)
    System.Memory (4.5.4) - restriction: || (&& (< monoandroid) (>= netcoreapp2.0) (< netcoreapp2.1) (< xamarinios) (< xamarinmac) (< xamarintvos) (< xamarinwatchos)) (&& (>= net45) (>= netcoreapp1.0) (< netstandard1.3) (>= netstandard2.0)) (&& (>= net451) (>= netcoreapp1.0) (>= netstandard2.0)) (&& (>= net461) (>= netcoreapp1.0)) (&& (>= net461) (>= netcoreapp2.1)) (&& (< net6.0) (>= netcoreapp2.1)) (&& (>= netcoreapp1.0) (< netcoreapp2.0) (>= netstandard2.0) (< xamarinios) (< xamarinmac) (< xamarintvos) (< xamarinwatchos)) (&& (>= netcoreapp1.0) (>= uap10.1))
      System.Runtime.CompilerServices.Unsafe (>= 4.5.3) - restriction: || (&& (>= monoandroid) (< netstandard1.1)) (&& (< monoandroid) (< net45) (>= netstandard1.1) (< netstandard2.0) (< win8) (< wpa81)) (&& (< monoandroid) (>= netcoreapp2.0) (< netcoreapp2.1)) (&& (< monoandroid) (< netstandard1.1) (>= portable-net45+win8+wpa81) (< win8)) (>= monotouch) (&& (>= net45) (< netstandard2.0)) (&& (< net45) (< netcoreapp2.0) (>= netstandard2.0)) (>= net461) (&& (< netstandard1.1) (>= win8)) (&& (< netstandard2.0) (>= wpa81)) (>= uap10.1) (>= xamarinios) (>= xamarinmac) (>= xamarintvos) (>= xamarinwatchos)
    System.Reflection (4.3) - restriction: || (&& (< monoandroid) (>= netcoreapp1.0) (< netcoreapp2.1) (< xamarinios) (< xamarinmac) (< xamarintvos) (< xamarinwatchos)) (&& (< netstandard2.0) (>= uap10.0))
      Microsoft.NETCore.Platforms (>= 1.1) - restriction: || (&& (< monoandroid) (< net45) (>= netstandard1.0) (< netstandard1.3) (< win8) (< wp8) (< wpa81)) (&& (< monoandroid) (< net45) (>= netstandard1.3) (< netstandard1.5) (< win8) (< wpa81)) (&& (< monotouch) (< net45) (>= netstandard1.5) (< win8) (< wpa81) (< xamarinios) (< xamarinmac) (< xamarintvos) (< xamarinwatchos))
      Microsoft.NETCore.Targets (>= 1.1) - restriction: || (&& (< monoandroid) (< net45) (>= netstandard1.0) (< netstandard1.3) (< win8) (< wp8) (< wpa81)) (&& (< monoandroid) (< net45) (>= netstandard1.3) (< netstandard1.5) (< win8) (< wpa81)) (&& (< monotouch) (< net45) (>= netstandard1.5) (< win8) (< wpa81) (< xamarinios) (< xamarinmac) (< xamarintvos) (< xamarinwatchos))
      System.IO (>= 4.3) - restriction: || (&& (< monoandroid) (< net45) (>= netstandard1.0) (< netstandard1.3) (< win8) (< wp8) (< wpa81)) (&& (< monoandroid) (< net45) (>= netstandard1.3) (< netstandard1.5) (< win8) (< wpa81)) (&& (< monotouch) (< net45) (>= netstandard1.5) (< win8) (< wpa81) (< xamarinios) (< xamarinmac) (< xamarintvos) (< xamarinwatchos))
      System.Reflection.Primitives (>= 4.3) - restriction: || (&& (< monoandroid) (< net45) (>= netstandard1.0) (< netstandard1.3) (< win8) (< wp8) (< wpa81)) (&& (< monoandroid) (< net45) (>= netstandard1.3) (< netstandard1.5) (< win8) (< wpa81)) (&& (< monotouch) (< net45) (>= netstandard1.5) (< win8) (< wpa81) (< xamarinios) (< xamarinmac) (< xamarintvos) (< xamarinwatchos))
      System.Runtime (>= 4.3) - restriction: || (&& (< monoandroid) (< net45) (>= netstandard1.0) (< netstandard1.3) (< win8) (< wp8) (< wpa81)) (&& (< monoandroid) (< net45) (>= netstandard1.3) (< netstandard1.5) (< win8) (< wpa81)) (&& (< monotouch) (< net45) (>= netstandard1.5) (< win8) (< wpa81) (< xamarinios) (< xamarinmac) (< xamarintvos) (< xamarinwatchos))
    System.Reflection.Metadata (6.0) - restriction: || (&& (< monoandroid) (>= netcoreapp1.0) (< xamarinios) (< xamarinmac) (< xamarintvos) (< xamarinwatchos)) (&& (>= net45) (>= netcoreapp1.0) (< netstandard1.3)) (&& (>= net451) (>= netcoreapp1.0)) (&& (>= netcoreapp1.0) (< netstandard2.0)) (>= netcoreapp2.1)
      System.Collections.Immutable (>= 6.0) - restriction: || (>= net461) (>= netstandard2.0)
    System.Reflection.Primitives (4.3) - restriction: || (&& (< monoandroid) (>= netcoreapp1.0) (< netstandard1.2)) (&& (< monoandroid) (>= netcoreapp1.0) (< netstandard1.3)) (&& (< monoandroid) (>= netcoreapp1.0) (< netstandard1.5)) (&& (>= netcoreapp1.0) (< netcoreapp1.1) (< xamarinios) (< xamarinmac) (< xamarintvos) (< xamarinwatchos)) (&& (>= netcoreapp1.1) (< netcoreapp2.1) (< xamarinios) (< xamarinmac) (< xamarintvos) (< xamarinwatchos))
      Microsoft.NETCore.Platforms (>= 1.1) - restriction: && (< monoandroid) (< monotouch) (< net45) (>= netstandard1.0) (< win8) (< wp8) (< wpa81) (< xamarinios) (< xamarinmac) (< xamarintvos) (< xamarinwatchos)
      Microsoft.NETCore.Targets (>= 1.1) - restriction: && (< monoandroid) (< monotouch) (< net45) (>= netstandard1.0) (< win8) (< wp8) (< wpa81) (< xamarinios) (< xamarinmac) (< xamarintvos) (< xamarinwatchos)
      System.Runtime (>= 4.3) - restriction: && (< monoandroid) (< monotouch) (< net45) (>= netstandard1.0) (< win8) (< wp8) (< wpa81) (< xamarinios) (< xamarinmac) (< xamarintvos) (< xamarinwatchos)
    System.Resources.ResourceManager (4.3) - restriction: || (&& (< monoandroid) (>= netcoreapp1.0) (< netcoreapp2.1) (< xamarinios) (< xamarinmac) (< xamarintvos) (< xamarinwatchos)) (&& (< netstandard2.0) (>= uap10.0))
      Microsoft.NETCore.Platforms (>= 1.1) - restriction: && (< monoandroid) (< monotouch) (< net45) (>= netstandard1.0) (< win8) (< wp8) (< wpa81) (< xamarinios) (< xamarinmac) (< xamarintvos) (< xamarinwatchos)
      Microsoft.NETCore.Targets (>= 1.1) - restriction: && (< monoandroid) (< monotouch) (< net45) (>= netstandard1.0) (< win8) (< wp8) (< wpa81) (< xamarinios) (< xamarinmac) (< xamarintvos) (< xamarinwatchos)
      System.Globalization (>= 4.3) - restriction: && (< monoandroid) (< monotouch) (< net45) (>= netstandard1.0) (< win8) (< wp8) (< wpa81) (< xamarinios) (< xamarinmac) (< xamarintvos) (< xamarinwatchos)
      System.Reflection (>= 4.3) - restriction: && (< monoandroid) (< monotouch) (< net45) (>= netstandard1.0) (< win8) (< wp8) (< wpa81) (< xamarinios) (< xamarinmac) (< xamarintvos) (< xamarinwatchos)
      System.Runtime (>= 4.3) - restriction: && (< monoandroid) (< monotouch) (< net45) (>= netstandard1.0) (< win8) (< wp8) (< wpa81) (< xamarinios) (< xamarinmac) (< xamarintvos) (< xamarinwatchos)
    System.Runtime (4.3.1) - restriction: || (&& (< monoandroid) (>= netcoreapp1.0) (< netcoreapp2.1) (< xamarinios) (< xamarinmac) (< xamarintvos) (< xamarinwatchos)) (&& (< monoandroid) (>= netcoreapp1.0) (< netstandard1.3)) (&& (< monoandroid) (>= netcoreapp1.0) (< netstandard1.5)) (&& (< netstandard1.4) (>= uap10.0)) (&& (< netstandard2.0) (>= uap10.0))
      Microsoft.NETCore.Platforms (>= 1.1.1) - restriction: || (&& (< monoandroid) (< net45) (>= netstandard1.0) (< netstandard1.2) (< win8) (< wp8)) (&& (< monoandroid) (< net45) (>= netstandard1.2) (< netstandard1.3) (< win8) (< wpa81)) (&& (< monoandroid) (< net45) (>= netstandard1.3) (< netstandard1.5) (< win8) (< wpa81)) (&& (< monotouch) (< net45) (>= netstandard1.5) (< win8) (< wpa81) (< xamarinios) (< xamarinmac) (< xamarintvos) (< xamarinwatchos))
      Microsoft.NETCore.Targets (>= 1.1.3) - restriction: || (&& (< monoandroid) (< net45) (>= netstandard1.0) (< netstandard1.2) (< win8) (< wp8)) (&& (< monoandroid) (< net45) (>= netstandard1.2) (< netstandard1.3) (< win8) (< wpa81)) (&& (< monoandroid) (< net45) (>= netstandard1.3) (< netstandard1.5) (< win8) (< wpa81)) (&& (< monotouch) (< net45) (>= netstandard1.5) (< win8) (< wpa81) (< xamarinios) (< xamarinmac) (< xamarintvos) (< xamarinwatchos))
    System.Runtime.CompilerServices.Unsafe (6.0) - restriction: || (&& (>= monoandroid) (>= netcoreapp1.0) (< netstandard1.1) (>= netstandard2.0)) (&& (< monoandroid) (>= netcoreapp1.0) (< netstandard1.1) (>= netstandard2.0)) (&& (< monoandroid) (>= netcoreapp2.0) (< netstandard1.1)) (&& (< monoandroid) (>= netcoreapp2.0) (< netstandard2.0) (< xamarintvos) (< xamarinwatchos)) (&& (< monoandroid) (>= netcoreapp2.0) (< xamarinios) (< xamarinmac) (< xamarintvos) (< xamarinwatchos)) (&& (>= monotouch) (>= netcoreapp1.0) (>= netstandard2.0)) (&& (>= monotouch) (>= netcoreapp2.0)) (&& (>= net45) (>= netcoreapp1.0) (< netstandard1.3) (>= netstandard2.0)) (&& (>= net45) (>= netcoreapp2.0) (< netstandard2.0)) (&& (>= net451) (>= netcoreapp1.0) (>= netstandard2.0)) (&& (>= net461) (>= netcoreapp1.0)) (&& (>= net461) (>= netcoreapp2.0)) (&& (>= netcoreapp1.0) (< netcoreapp2.0) (>= netstandard2.0) (< xamarinios) (< xamarinmac) (< xamarintvos) (< xamarinwatchos)) (&& (>= netcoreapp1.0) (< netstandard1.1) (>= netstandard2.0) (>= win8)) (&& (>= netcoreapp1.0) (>= uap10.1)) (&& (>= netcoreapp2.0) (< netstandard1.1) (>= win8)) (&& (>= netcoreapp2.0) (< netstandard2.0) (>= wpa81)) (&& (>= netcoreapp2.0) (>= uap10.1)) (>= netcoreapp2.1)
    System.Runtime.Extensions (4.3.1) - restriction: || (&& (< monoandroid) (>= netcoreapp1.0) (< netcoreapp2.1) (< xamarinios) (< xamarinmac) (< xamarintvos) (< xamarinwatchos)) (&& (< netstandard2.0) (>= uap10.0))
      Microsoft.NETCore.Platforms (>= 1.1.1) - restriction: || (&& (< monoandroid) (< net45) (>= netstandard1.0) (< netstandard1.3) (< win8) (< wp8) (< wpa81)) (&& (< monoandroid) (< net45) (>= netstandard1.3) (< netstandard1.5) (< win8) (< wpa81)) (&& (< monotouch) (< net45) (>= netstandard1.5) (< win8) (< wpa81) (< xamarinios) (< xamarinmac) (< xamarintvos) (< xamarinwatchos))
      Microsoft.NETCore.Targets (>= 1.1.3) - restriction: || (&& (< monoandroid) (< net45) (>= netstandard1.0) (< netstandard1.3) (< win8) (< wp8) (< wpa81)) (&& (< monoandroid) (< net45) (>= netstandard1.3) (< netstandard1.5) (< win8) (< wpa81)) (&& (< monotouch) (< net45) (>= netstandard1.5) (< win8) (< wpa81) (< xamarinios) (< xamarinmac) (< xamarintvos) (< xamarinwatchos))
      System.Runtime (>= 4.3.1) - restriction: || (&& (< monoandroid) (< net45) (>= netstandard1.0) (< netstandard1.3) (< win8) (< wp8) (< wpa81)) (&& (< monoandroid) (< net45) (>= netstandard1.3) (< netstandard1.5) (< win8) (< wpa81)) (&& (< monotouch) (< net45) (>= netstandard1.5) (< win8) (< wpa81) (< xamarinios) (< xamarinmac) (< xamarintvos) (< xamarinwatchos))
    System.Runtime.Handles (4.3) - restriction: || (&& (< monoandroid) (>= netcoreapp1.0) (< netstandard1.4)) (&& (>= netcoreapp1.0) (< netcoreapp2.1) (< xamarinios) (< xamarinmac) (< xamarintvos) (< xamarinwatchos))
      Microsoft.NETCore.Platforms (>= 1.1) - restriction: && (< monoandroid) (< monotouch) (< net46) (>= netstandard1.3) (< xamarinios) (< xamarinmac) (< xamarintvos) (< xamarinwatchos)
      Microsoft.NETCore.Targets (>= 1.1) - restriction: && (< monoandroid) (< monotouch) (< net46) (>= netstandard1.3) (< xamarinios) (< xamarinmac) (< xamarintvos) (< xamarinwatchos)
      System.Runtime (>= 4.3) - restriction: && (< monoandroid) (< monotouch) (< net46) (>= netstandard1.3) (< xamarinios) (< xamarinmac) (< xamarintvos) (< xamarinwatchos)
    System.Runtime.InteropServices (4.3) - restriction: && (>= netcoreapp1.0) (< netcoreapp2.1) (< xamarinios) (< xamarinmac) (< xamarintvos) (< xamarinwatchos)
      Microsoft.NETCore.Platforms (>= 1.1) - restriction: || (&& (< monoandroid) (< net45) (>= netstandard1.1) (< netstandard1.2) (< win8)) (&& (< monoandroid) (< net45) (>= netstandard1.2) (< netstandard1.3) (< win8) (< wpa81)) (&& (< monoandroid) (< net45) (>= netstandard1.3) (< netstandard1.5) (< win8) (< wpa81)) (&& (< monotouch) (< net45) (< netcoreapp1.1) (>= netstandard1.5) (< win8) (< wpa81) (< xamarinios) (< xamarinmac) (< xamarintvos) (< xamarinwatchos)) (&& (>= netcoreapp1.1) (< xamarinios) (< xamarinmac) (< xamarintvos) (< xamarinwatchos))
      Microsoft.NETCore.Targets (>= 1.1) - restriction: || (&& (< monoandroid) (< net45) (>= netstandard1.1) (< netstandard1.2) (< win8)) (&& (< monoandroid) (< net45) (>= netstandard1.2) (< netstandard1.3) (< win8) (< wpa81)) (&& (< monoandroid) (< net45) (>= netstandard1.3) (< netstandard1.5) (< win8) (< wpa81)) (&& (< monotouch) (< net45) (< netcoreapp1.1) (>= netstandard1.5) (< win8) (< wpa81) (< xamarinios) (< xamarinmac) (< xamarintvos) (< xamarinwatchos)) (&& (>= netcoreapp1.1) (< xamarinios) (< xamarinmac) (< xamarintvos) (< xamarinwatchos))
      System.Reflection (>= 4.3) - restriction: || (&& (< monoandroid) (< net45) (>= netstandard1.1) (< netstandard1.2) (< win8)) (&& (< monoandroid) (< net45) (>= netstandard1.2) (< netstandard1.3) (< win8) (< wpa81)) (&& (< monoandroid) (< net45) (>= netstandard1.3) (< netstandard1.5) (< win8) (< wpa81)) (&& (< monotouch) (< net45) (< netcoreapp1.1) (>= netstandard1.5) (< win8) (< wpa81) (< xamarinios) (< xamarinmac) (< xamarintvos) (< xamarinwatchos)) (&& (>= netcoreapp1.1) (< xamarinios) (< xamarinmac) (< xamarintvos) (< xamarinwatchos))
      System.Reflection.Primitives (>= 4.3) - restriction: || (&& (< monoandroid) (< net45) (>= netstandard1.1) (< netstandard1.2) (< win8)) (&& (< monoandroid) (< net45) (>= netstandard1.2) (< netstandard1.3) (< win8) (< wpa81)) (&& (< monoandroid) (< net45) (>= netstandard1.3) (< netstandard1.5) (< win8) (< wpa81)) (&& (< monotouch) (< net45) (< netcoreapp1.1) (>= netstandard1.5) (< win8) (< wpa81) (< xamarinios) (< xamarinmac) (< xamarintvos) (< xamarinwatchos)) (&& (>= netcoreapp1.1) (< xamarinios) (< xamarinmac) (< xamarintvos) (< xamarinwatchos))
      System.Runtime (>= 4.3) - restriction: || (&& (< monoandroid) (< net45) (>= netstandard1.1) (< netstandard1.2) (< win8)) (&& (< monoandroid) (< net45) (>= netstandard1.2) (< netstandard1.3) (< win8) (< wpa81)) (&& (< monoandroid) (< net45) (>= netstandard1.3) (< netstandard1.5) (< win8) (< wpa81)) (&& (< monotouch) (< net45) (< netcoreapp1.1) (>= netstandard1.5) (< win8) (< wpa81) (< xamarinios) (< xamarinmac) (< xamarintvos) (< xamarinwatchos)) (>= net462) (&& (>= netcoreapp1.1) (< xamarinios) (< xamarinmac) (< xamarintvos) (< xamarinwatchos))
      System.Runtime.Handles (>= 4.3) - restriction: || (&& (< monoandroid) (< net45) (>= netstandard1.3) (< netstandard1.5) (< win8) (< wpa81)) (&& (< monotouch) (< net45) (< netcoreapp1.1) (>= netstandard1.5) (< win8) (< wpa81) (< xamarinios) (< xamarinmac) (< xamarintvos) (< xamarinwatchos)) (&& (>= netcoreapp1.1) (< xamarinios) (< xamarinmac) (< xamarintvos) (< xamarinwatchos))
    System.Runtime.InteropServices.RuntimeInformation (4.3) - restriction: || (&& (>= netcoreapp1.0) (< netcoreapp2.1)) (>= uap10.0)
    System.Runtime.Loader (4.3) - restriction: && (>= netcoreapp1.0) (< netcoreapp2.1)
      System.IO (>= 4.3) - restriction: && (< monotouch) (< net462) (>= netstandard1.5) (< xamarinios) (< xamarinmac) (< xamarintvos) (< xamarinwatchos)
      System.Reflection (>= 4.3) - restriction: && (< monotouch) (< net462) (>= netstandard1.5) (< xamarinios) (< xamarinmac) (< xamarintvos) (< xamarinwatchos)
      System.Runtime (>= 4.3) - restriction: && (< monotouch) (< net462) (>= netstandard1.5) (< xamarinios) (< xamarinmac) (< xamarintvos) (< xamarinwatchos)
    System.Runtime.Serialization.Formatters (4.3) - restriction: && (< netstandard2.0) (>= uap10.0)
      System.Collections (>= 4.3) - restriction: && (< monotouch) (< net46) (>= netstandard1.4) (< xamarinios) (< xamarinmac) (< xamarintvos) (< xamarinwatchos)
      System.Reflection (>= 4.3) - restriction: && (< monotouch) (< net46) (>= netstandard1.4) (< xamarinios) (< xamarinmac) (< xamarintvos) (< xamarinwatchos)
      System.Resources.ResourceManager (>= 4.3) - restriction: && (< monotouch) (< net46) (>= netstandard1.4) (< xamarinios) (< xamarinmac) (< xamarintvos) (< xamarinwatchos)
      System.Runtime (>= 4.3) - restriction: || (&& (< monoandroid) (< net46) (>= netstandard1.3) (< netstandard1.4)) (&& (< monotouch) (< net46) (>= netstandard1.4) (< xamarinios) (< xamarinmac) (< xamarintvos) (< xamarinwatchos))
      System.Runtime.Serialization.Primitives (>= 4.3) - restriction: || (&& (< monoandroid) (>= netstandard1.3) (< netstandard1.4)) (&& (< monotouch) (>= netstandard1.4) (< xamarinios) (< xamarinmac) (< xamarintvos) (< xamarinwatchos)) (>= net46)
    System.Runtime.Serialization.Primitives (4.3) - restriction: || (&& (< netstandard1.3) (>= uap10.0)) (&& (< netstandard2.0) (>= uap10.0))
    System.Security.AccessControl (6.0) - restriction: || (&& (>= monoandroid) (>= netcoreapp1.0) (< netstandard1.3)) (&& (< monoandroid) (>= netcoreapp2.0) (< netcoreapp2.1) (< xamarinios) (< xamarinmac) (< xamarintvos) (< xamarinwatchos)) (&& (>= monotouch) (>= netcoreapp1.0)) (&& (>= net461) (>= netcoreapp1.0)) (&& (>= netcoreapp1.0) (< netcoreapp2.0) (>= netstandard2.0) (< xamarinios) (< xamarinmac) (< xamarintvos) (< xamarinwatchos)) (&& (>= netcoreapp1.0) (>= uap10.1))
      System.Security.Principal.Windows (>= 5.0) - restriction: || (>= net461) (&& (< net6.0) (>= netstandard2.0))
    System.Security.Principal.Windows (5.0) - restriction: || (&& (>= monoandroid) (>= netcoreapp1.0) (< netstandard1.3)) (&& (< monoandroid) (>= netcoreapp2.0) (< netcoreapp2.1) (< xamarinios) (< xamarinmac) (< xamarintvos) (< xamarinwatchos)) (&& (>= monotouch) (>= netcoreapp1.0)) (&& (>= net461) (>= netcoreapp1.0)) (&& (>= netcoreapp1.0) (< netcoreapp2.0) (>= netstandard2.0) (< xamarinios) (< xamarinmac) (< xamarintvos) (< xamarinwatchos)) (&& (>= netcoreapp1.0) (>= uap10.1))
      Microsoft.NETCore.Platforms (>= 5.0) - restriction: || (&& (>= netcoreapp2.0) (< netcoreapp2.1)) (&& (>= netcoreapp2.1) (< netcoreapp3.0))
    System.Text.Encoding (4.3) - restriction: || (&& (< monoandroid) (>= netcoreapp1.0) (< netstandard1.4)) (&& (>= netcoreapp1.0) (< netcoreapp2.1) (< xamarinios) (< xamarinmac) (< xamarintvos) (< xamarinwatchos)) (&& (< netstandard2.0) (>= uap10.0))
      Microsoft.NETCore.Platforms (>= 1.1) - restriction: || (&& (< monoandroid) (< monotouch) (< net45) (>= netstandard1.3) (< win8) (< wpa81) (< xamarinios) (< xamarinmac) (< xamarintvos) (< xamarinwatchos)) (&& (< monoandroid) (< net45) (>= netstandard1.0) (< netstandard1.3) (< win8) (< wp8) (< wpa81))
      Microsoft.NETCore.Targets (>= 1.1) - restriction: || (&& (< monoandroid) (< monotouch) (< net45) (>= netstandard1.3) (< win8) (< wpa81) (< xamarinios) (< xamarinmac) (< xamarintvos) (< xamarinwatchos)) (&& (< monoandroid) (< net45) (>= netstandard1.0) (< netstandard1.3) (< win8) (< wp8) (< wpa81))
      System.Runtime (>= 4.3) - restriction: || (&& (< monoandroid) (< monotouch) (< net45) (>= netstandard1.3) (< win8) (< wpa81) (< xamarinios) (< xamarinmac) (< xamarintvos) (< xamarinwatchos)) (&& (< monoandroid) (< net45) (>= netstandard1.0) (< netstandard1.3) (< win8) (< wp8) (< wpa81))
    System.Text.Encoding.Extensions (4.3) - restriction: && (>= netcoreapp1.0) (< netcoreapp2.1) (< xamarinios) (< xamarinmac) (< xamarintvos) (< xamarinwatchos)
      Microsoft.NETCore.Platforms (>= 1.1) - restriction: || (&& (< monoandroid) (< monotouch) (< net45) (>= netstandard1.3) (< win8) (< wpa81) (< xamarinios) (< xamarinmac) (< xamarintvos) (< xamarinwatchos)) (&& (< monoandroid) (< net45) (>= netstandard1.0) (< netstandard1.3) (< win8) (< wp8) (< wpa81))
      Microsoft.NETCore.Targets (>= 1.1) - restriction: || (&& (< monoandroid) (< monotouch) (< net45) (>= netstandard1.3) (< win8) (< wpa81) (< xamarinios) (< xamarinmac) (< xamarintvos) (< xamarinwatchos)) (&& (< monoandroid) (< net45) (>= netstandard1.0) (< netstandard1.3) (< win8) (< wp8) (< wpa81))
      System.Runtime (>= 4.3) - restriction: || (&& (< monoandroid) (< monotouch) (< net45) (>= netstandard1.3) (< win8) (< wpa81) (< xamarinios) (< xamarinmac) (< xamarintvos) (< xamarinwatchos)) (&& (< monoandroid) (< net45) (>= netstandard1.0) (< netstandard1.3) (< win8) (< wp8) (< wpa81))
      System.Text.Encoding (>= 4.3) - restriction: || (&& (< monoandroid) (< monotouch) (< net45) (>= netstandard1.3) (< win8) (< wpa81) (< xamarinios) (< xamarinmac) (< xamarintvos) (< xamarinwatchos)) (&& (< monoandroid) (< net45) (>= netstandard1.0) (< netstandard1.3) (< win8) (< wp8) (< wpa81))
    System.Threading (4.3) - restriction: || (&& (< monoandroid) (>= netcoreapp1.0) (< netcoreapp2.1) (< xamarinios) (< xamarinmac) (< xamarintvos) (< xamarinwatchos)) (&& (< netstandard2.0) (>= uap10.0))
      System.Runtime (>= 4.3) - restriction: || (&& (< monoandroid) (< monotouch) (< net45) (>= netstandard1.3) (< win8) (< wpa81) (< xamarinios) (< xamarinmac) (< xamarintvos) (< xamarinwatchos)) (&& (< monoandroid) (< net45) (>= netstandard1.0) (< netstandard1.3) (< win8) (< wp8) (< wpa81))
      System.Threading.Tasks (>= 4.3) - restriction: || (&& (< monoandroid) (< monotouch) (< net45) (>= netstandard1.3) (< win8) (< wpa81) (< xamarinios) (< xamarinmac) (< xamarintvos) (< xamarinwatchos)) (&& (< monoandroid) (< net45) (>= netstandard1.0) (< netstandard1.3) (< win8) (< wp8) (< wpa81))
    System.Threading.Tasks (4.3) - restriction: && (>= netcoreapp1.0) (< netcoreapp2.1) (< xamarinios) (< xamarinmac) (< xamarintvos) (< xamarinwatchos)
      Microsoft.NETCore.Platforms (>= 1.1) - restriction: || (&& (< monoandroid) (< monotouch) (< net45) (>= netstandard1.3) (< win8) (< wpa81) (< xamarinios) (< xamarinmac) (< xamarintvos) (< xamarinwatchos)) (&& (< monoandroid) (< net45) (>= netstandard1.0) (< netstandard1.3) (< win8) (< wp8) (< wpa81))
      Microsoft.NETCore.Targets (>= 1.1) - restriction: || (&& (< monoandroid) (< monotouch) (< net45) (>= netstandard1.3) (< win8) (< wpa81) (< xamarinios) (< xamarinmac) (< xamarintvos) (< xamarinwatchos)) (&& (< monoandroid) (< net45) (>= netstandard1.0) (< netstandard1.3) (< win8) (< wp8) (< wpa81))
      System.Runtime (>= 4.3) - restriction: || (&& (< monoandroid) (< monotouch) (< net45) (>= netstandard1.3) (< win8) (< wpa81) (< xamarinios) (< xamarinmac) (< xamarintvos) (< xamarinwatchos)) (&& (< monoandroid) (< net45) (>= netstandard1.0) (< netstandard1.3) (< win8) (< wp8) (< wpa81))
    System.Threading.Thread (4.3) - restriction: && (>= netcoreapp1.0) (< netcoreapp2.1) (< xamarinios) (< xamarinmac) (< xamarintvos) (< xamarinwatchos)
      System.Runtime (>= 4.3) - restriction: && (< monoandroid) (< monotouch) (< net46) (>= netstandard1.3) (< xamarinios) (< xamarinmac) (< xamarintvos) (< xamarinwatchos)
    System.Threading.ThreadPool (4.3) - restriction: && (>= netcoreapp1.0) (< netcoreapp2.1) (< xamarinios) (< xamarinmac) (< xamarintvos) (< xamarinwatchos)
      System.Runtime (>= 4.3) - restriction: && (< monoandroid) (< monotouch) (< net46) (>= netstandard1.3) (< xamarinios) (< xamarinmac) (< xamarintvos) (< xamarinwatchos)
      System.Runtime.Handles (>= 4.3) - restriction: && (< monoandroid) (< monotouch) (< net46) (>= netstandard1.3) (< xamarinios) (< xamarinmac) (< xamarintvos) (< xamarinwatchos)
    System.Xml.ReaderWriter (4.3.1) - restriction: && (< netstandard2.0) (>= uap10.0)
    System.Xml.XmlDocument (4.3) - restriction: && (< netstandard2.0) (>= uap10.0)
      System.Collections (>= 4.3) - restriction: && (< monoandroid) (< monotouch) (< net46) (>= netstandard1.3) (< xamarinios) (< xamarinmac) (< xamarintvos) (< xamarinwatchos)
      System.Diagnostics.Debug (>= 4.3) - restriction: && (< monoandroid) (< monotouch) (< net46) (>= netstandard1.3) (< xamarinios) (< xamarinmac) (< xamarintvos) (< xamarinwatchos)
      System.Globalization (>= 4.3) - restriction: && (< monoandroid) (< monotouch) (< net46) (>= netstandard1.3) (< xamarinios) (< xamarinmac) (< xamarintvos) (< xamarinwatchos)
      System.IO (>= 4.3) - restriction: && (< monoandroid) (< monotouch) (< net46) (>= netstandard1.3) (< xamarinios) (< xamarinmac) (< xamarintvos) (< xamarinwatchos)
      System.Resources.ResourceManager (>= 4.3) - restriction: && (< monoandroid) (< monotouch) (< net46) (>= netstandard1.3) (< xamarinios) (< xamarinmac) (< xamarintvos) (< xamarinwatchos)
      System.Runtime (>= 4.3) - restriction: && (< monoandroid) (< monotouch) (< net46) (>= netstandard1.3) (< xamarinios) (< xamarinmac) (< xamarintvos) (< xamarinwatchos)
      System.Runtime.Extensions (>= 4.3) - restriction: && (< monoandroid) (< monotouch) (< net46) (>= netstandard1.3) (< xamarinios) (< xamarinmac) (< xamarintvos) (< xamarinwatchos)
      System.Text.Encoding (>= 4.3) - restriction: && (< monoandroid) (< monotouch) (< net46) (>= netstandard1.3) (< xamarinios) (< xamarinmac) (< xamarintvos) (< xamarinwatchos)
      System.Threading (>= 4.3) - restriction: && (< monoandroid) (< monotouch) (< net46) (>= netstandard1.3) (< xamarinios) (< xamarinmac) (< xamarintvos) (< xamarinwatchos)
      System.Xml.ReaderWriter (>= 4.3) - restriction: && (< monoandroid) (< monotouch) (< net46) (>= netstandard1.3) (< xamarinios) (< xamarinmac) (< xamarintvos) (< xamarinwatchos)
