RESTRICTION: == net8.0
NUGET
  remote: https://api.nuget.org/v3/index.json
    Avalonia (11.0.6)
      Avalonia.BuildServices (>= 0.0.29)
      Avalonia.Remote.Protocol (>= 11.0.6)
      MicroCom.Runtime (>= 0.11)
      System.ComponentModel.Annotations (>= 4.5)
    Avalonia.Angle.Windows.Natives (2.1.22087.20231008)
    Avalonia.BuildServices (0.0.29)
    Avalonia.Controls.ColorPicker (11.0.6)
      Avalonia (>= 11.0.6)
      Avalonia.Remote.Protocol (>= 11.0.6)
    Avalonia.Controls.DataGrid (11.0.6)
      Avalonia (>= 11.0.6)
      Avalonia.Remote.Protocol (>= 11.0.6)
    Avalonia.Desktop (11.0.6)
      Avalonia (>= 11.0.6)
      Avalonia.Native (>= 11.0.6)
      Avalonia.Skia (>= 11.0.6)
      Avalonia.Win32 (>= 11.0.6)
      Avalonia.X11 (>= 11.0.6)
    Avalonia.Diagnostics (11.0.6)
      Avalonia (>= 11.0.6)
      Avalonia.Controls.ColorPicker (>= 11.0.6)
      Avalonia.Controls.DataGrid (>= 11.0.6)
      Avalonia.Themes.Simple (>= 11.0.6)
      Microsoft.CodeAnalysis.Common (>= 3.8)
      Microsoft.CodeAnalysis.CSharp.Scripting (>= 3.8)
    Avalonia.FreeDesktop (11.0.6)
      Avalonia (>= 11.0.6)
      Tmds.DBus.Protocol (>= 0.15)
    Avalonia.Native (11.0.6)
      Avalonia (>= 11.0.6)
    Avalonia.ReactiveUI (11.0.6)
      Avalonia (>= 11.0.6)
      ReactiveUI (>= 18.3.1)
      System.Reactive (>= 5.0)
    Avalonia.Remote.Protocol (11.0.6)
    Avalonia.Skia (11.0.6)
      Avalonia (>= 11.0.6)
      HarfBuzzSharp (>= 7.3)
      HarfBuzzSharp.NativeAssets.Linux (>= 7.3)
      HarfBuzzSharp.NativeAssets.WebAssembly (>= 7.3)
      SkiaSharp (>= 2.88.6)
      SkiaSharp.NativeAssets.Linux (>= 2.88.6)
      SkiaSharp.NativeAssets.WebAssembly (>= 2.88.6)
    Avalonia.Themes.Fluent (11.0.6)
      Avalonia (>= 11.0.6)
    Avalonia.Themes.Simple (11.0.6)
      Avalonia (>= 11.0.6)
    Avalonia.Win32 (11.0.6)
      Avalonia (>= 11.0.6)
      Avalonia.Angle.Windows.Natives (>= 2.1.0.2023020321)
      System.Drawing.Common (>= 6.0)
      System.Numerics.Vectors (>= 4.5)
    Avalonia.X11 (11.0.6)
      Avalonia (>= 11.0.6)
      Avalonia.FreeDesktop (>= 11.0.6)
      Avalonia.Skia (>= 11.0.6)
    BlazorDownloadFileFast (0.2)
      Microsoft.Extensions.DependencyInjection.Abstractions (>= 6.0)
      Microsoft.JSInterop (>= 6.0)
    Clippit (2.0)
      DocumentFormat.OpenXml (>= 3.0)
      DocumentFormat.OpenXml.Framework (>= 3.0)
      SixLabors.ImageSharp.Drawing (>= 2.0.1)
    DocumentFormat.OpenXml (3.0)
      DocumentFormat.OpenXml.Framework (>= 3.0)
    DocumentFormat.OpenXml.Framework (3.0)
      System.IO.Packaging (>= 8.0)
    DynamicData (8.3.27)
      System.Reactive (>= 6.0)
    HarfBuzzSharp (7.3)
      HarfBuzzSharp.NativeAssets.macOS (>= 7.3)
      HarfBuzzSharp.NativeAssets.Win32 (>= 7.3)
    HarfBuzzSharp.NativeAssets.Linux (7.3)
      HarfBuzzSharp (>= 7.3)
    HarfBuzzSharp.NativeAssets.macOS (7.3)
    HarfBuzzSharp.NativeAssets.WebAssembly (7.3)
    HarfBuzzSharp.NativeAssets.Win32 (7.3)
    MicroCom.Runtime (0.11)
    Microsoft.AspNetCore.Authorization (8.0)
      Microsoft.AspNetCore.Metadata (>= 8.0)
      Microsoft.Extensions.Logging.Abstractions (>= 8.0)
      Microsoft.Extensions.Options (>= 8.0)
    Microsoft.AspNetCore.Components (8.0)
      Microsoft.AspNetCore.Authorization (>= 8.0)
      Microsoft.AspNetCore.Components.Analyzers (>= 8.0)
    Microsoft.AspNetCore.Components.Analyzers (8.0)
    Microsoft.AspNetCore.Components.Forms (8.0)
      Microsoft.AspNetCore.Components (>= 8.0)
    Microsoft.AspNetCore.Components.Web (8.0)
      Microsoft.AspNetCore.Components (>= 8.0)
      Microsoft.AspNetCore.Components.Forms (>= 8.0)
      Microsoft.Extensions.DependencyInjection (>= 8.0)
      Microsoft.Extensions.Primitives (>= 8.0)
      Microsoft.JSInterop (>= 8.0)
      System.IO.Pipelines (>= 8.0)
    Microsoft.AspNetCore.Components.WebAssembly (8.0)
      Microsoft.AspNetCore.Components.Web (>= 8.0)
      Microsoft.Extensions.Configuration.Binder (>= 8.0)
      Microsoft.Extensions.Configuration.Json (>= 8.0)
      Microsoft.Extensions.Logging (>= 8.0)
      Microsoft.JSInterop.WebAssembly (>= 8.0)
    Microsoft.AspNetCore.Components.WebAssembly.DevServer (8.0)
    Microsoft.AspNetCore.Metadata (8.0)
    Microsoft.CodeAnalysis.Analyzers (3.3.4)
    Microsoft.CodeAnalysis.Common (4.8)
      Microsoft.CodeAnalysis.Analyzers (>= 3.3.4)
      System.Collections.Immutable (>= 7.0)
      System.Reflection.Metadata (>= 7.0)
      System.Runtime.CompilerServices.Unsafe (>= 6.0)
    Microsoft.CodeAnalysis.CSharp (4.8)
      Microsoft.CodeAnalysis.Common (4.8)
    Microsoft.CodeAnalysis.CSharp.Scripting (4.8)
      Microsoft.CodeAnalysis.Common (4.8)
      Microsoft.CodeAnalysis.CSharp (4.8)
      Microsoft.CodeAnalysis.Scripting.Common (4.8)
      Microsoft.CSharp (>= 4.7)
    Microsoft.CodeAnalysis.Scripting.Common (4.8)
      Microsoft.CodeAnalysis.Common (4.8)
    Microsoft.CSharp (4.7)
    Microsoft.Extensions.Configuration (8.0)
      Microsoft.Extensions.Configuration.Abstractions (>= 8.0)
      Microsoft.Extensions.Primitives (>= 8.0)
    Microsoft.Extensions.Configuration.Abstractions (8.0)
      Microsoft.Extensions.Primitives (>= 8.0)
    Microsoft.Extensions.Configuration.Binder (8.0)
      Microsoft.Extensions.Configuration.Abstractions (>= 8.0)
    Microsoft.Extensions.Configuration.CommandLine (8.0)
      Microsoft.Extensions.Configuration (>= 8.0)
      Microsoft.Extensions.Configuration.Abstractions (>= 8.0)
    Microsoft.Extensions.Configuration.EnvironmentVariables (8.0)
      Microsoft.Extensions.Configuration (>= 8.0)
      Microsoft.Extensions.Configuration.Abstractions (>= 8.0)
    Microsoft.Extensions.Configuration.FileExtensions (8.0)
      Microsoft.Extensions.Configuration (>= 8.0)
      Microsoft.Extensions.Configuration.Abstractions (>= 8.0)
      Microsoft.Extensions.FileProviders.Abstractions (>= 8.0)
      Microsoft.Extensions.FileProviders.Physical (>= 8.0)
      Microsoft.Extensions.Primitives (>= 8.0)
    Microsoft.Extensions.Configuration.Json (8.0)
      Microsoft.Extensions.Configuration (>= 8.0)
      Microsoft.Extensions.Configuration.Abstractions (>= 8.0)
      Microsoft.Extensions.Configuration.FileExtensions (>= 8.0)
      Microsoft.Extensions.FileProviders.Abstractions (>= 8.0)
      System.Text.Json (>= 8.0)
    Microsoft.Extensions.Configuration.UserSecrets (8.0)
      Microsoft.Extensions.Configuration.Abstractions (>= 8.0)
      Microsoft.Extensions.Configuration.Json (>= 8.0)
      Microsoft.Extensions.FileProviders.Abstractions (>= 8.0)
      Microsoft.Extensions.FileProviders.Physical (>= 8.0)
    Microsoft.Extensions.DependencyInjection (8.0)
      Microsoft.Extensions.DependencyInjection.Abstractions (>= 8.0)
    Microsoft.Extensions.DependencyInjection.Abstractions (8.0)
    Microsoft.Extensions.Diagnostics (8.0)
      Microsoft.Extensions.Configuration (>= 8.0)
      Microsoft.Extensions.Diagnostics.Abstractions (>= 8.0)
      Microsoft.Extensions.Options.ConfigurationExtensions (>= 8.0)
    Microsoft.Extensions.Diagnostics.Abstractions (8.0)
      Microsoft.Extensions.DependencyInjection.Abstractions (>= 8.0)
      Microsoft.Extensions.Options (>= 8.0)
      System.Diagnostics.DiagnosticSource (>= 8.0)
    Microsoft.Extensions.FileProviders.Abstractions (8.0)
      Microsoft.Extensions.Primitives (>= 8.0)
    Microsoft.Extensions.FileProviders.Physical (8.0)
      Microsoft.Extensions.FileProviders.Abstractions (>= 8.0)
      Microsoft.Extensions.FileSystemGlobbing (>= 8.0)
      Microsoft.Extensions.Primitives (>= 8.0)
    Microsoft.Extensions.FileSystemGlobbing (8.0)
    Microsoft.Extensions.Hosting (8.0)
      Microsoft.Extensions.Configuration (>= 8.0)
      Microsoft.Extensions.Configuration.Abstractions (>= 8.0)
      Microsoft.Extensions.Configuration.Binder (>= 8.0)
      Microsoft.Extensions.Configuration.CommandLine (>= 8.0)
      Microsoft.Extensions.Configuration.EnvironmentVariables (>= 8.0)
      Microsoft.Extensions.Configuration.FileExtensions (>= 8.0)
      Microsoft.Extensions.Configuration.Json (>= 8.0)
      Microsoft.Extensions.Configuration.UserSecrets (>= 8.0)
      Microsoft.Extensions.DependencyInjection (>= 8.0)
      Microsoft.Extensions.DependencyInjection.Abstractions (>= 8.0)
      Microsoft.Extensions.Diagnostics (>= 8.0)
      Microsoft.Extensions.FileProviders.Abstractions (>= 8.0)
      Microsoft.Extensions.FileProviders.Physical (>= 8.0)
      Microsoft.Extensions.Hosting.Abstractions (>= 8.0)
      Microsoft.Extensions.Logging (>= 8.0)
      Microsoft.Extensions.Logging.Abstractions (>= 8.0)
      Microsoft.Extensions.Logging.Configuration (>= 8.0)
      Microsoft.Extensions.Logging.Console (>= 8.0)
      Microsoft.Extensions.Logging.Debug (>= 8.0)
      Microsoft.Extensions.Logging.EventLog (>= 8.0)
      Microsoft.Extensions.Logging.EventSource (>= 8.0)
      Microsoft.Extensions.Options (>= 8.0)
    Microsoft.Extensions.Hosting.Abstractions (8.0)
      Microsoft.Extensions.Configuration.Abstractions (>= 8.0)
      Microsoft.Extensions.DependencyInjection.Abstractions (>= 8.0)
      Microsoft.Extensions.Diagnostics.Abstractions (>= 8.0)
      Microsoft.Extensions.FileProviders.Abstractions (>= 8.0)
      Microsoft.Extensions.Logging.Abstractions (>= 8.0)
    Microsoft.Extensions.Localization (8.0)
      Microsoft.Extensions.DependencyInjection.Abstractions (>= 8.0)
      Microsoft.Extensions.Localization.Abstractions (>= 8.0)
      Microsoft.Extensions.Logging.Abstractions (>= 8.0)
      Microsoft.Extensions.Options (>= 8.0)
    Microsoft.Extensions.Localization.Abstractions (8.0)
    Microsoft.Extensions.Logging (8.0)
      Microsoft.Extensions.DependencyInjection (>= 8.0)
      Microsoft.Extensions.Logging.Abstractions (>= 8.0)
      Microsoft.Extensions.Options (>= 8.0)
    Microsoft.Extensions.Logging.Abstractions (8.0)
      Microsoft.Extensions.DependencyInjection.Abstractions (>= 8.0)
    Microsoft.Extensions.Logging.Configuration (8.0)
      Microsoft.Extensions.Configuration (>= 8.0)
      Microsoft.Extensions.Configuration.Abstractions (>= 8.0)
      Microsoft.Extensions.Configuration.Binder (>= 8.0)
      Microsoft.Extensions.DependencyInjection.Abstractions (>= 8.0)
      Microsoft.Extensions.Logging (>= 8.0)
      Microsoft.Extensions.Logging.Abstractions (>= 8.0)
      Microsoft.Extensions.Options (>= 8.0)
      Microsoft.Extensions.Options.ConfigurationExtensions (>= 8.0)
    Microsoft.Extensions.Logging.Console (8.0)
      Microsoft.Extensions.DependencyInjection.Abstractions (>= 8.0)
      Microsoft.Extensions.Logging (>= 8.0)
      Microsoft.Extensions.Logging.Abstractions (>= 8.0)
      Microsoft.Extensions.Logging.Configuration (>= 8.0)
      Microsoft.Extensions.Options (>= 8.0)
      System.Text.Json (>= 8.0)
    Microsoft.Extensions.Logging.Debug (8.0)
      Microsoft.Extensions.DependencyInjection.Abstractions (>= 8.0)
      Microsoft.Extensions.Logging (>= 8.0)
      Microsoft.Extensions.Logging.Abstractions (>= 8.0)
    Microsoft.Extensions.Logging.EventLog (8.0)
      Microsoft.Extensions.DependencyInjection.Abstractions (>= 8.0)
      Microsoft.Extensions.Logging (>= 8.0)
      Microsoft.Extensions.Logging.Abstractions (>= 8.0)
      Microsoft.Extensions.Options (>= 8.0)
      System.Diagnostics.EventLog (>= 8.0)
    Microsoft.Extensions.Logging.EventSource (8.0)
      Microsoft.Extensions.DependencyInjection.Abstractions (>= 8.0)
      Microsoft.Extensions.Logging (>= 8.0)
      Microsoft.Extensions.Logging.Abstractions (>= 8.0)
      Microsoft.Extensions.Options (>= 8.0)
      Microsoft.Extensions.Primitives (>= 8.0)
      System.Text.Json (>= 8.0)
    Microsoft.Extensions.Options (8.0)
      Microsoft.Extensions.DependencyInjection.Abstractions (>= 8.0)
      Microsoft.Extensions.Primitives (>= 8.0)
    Microsoft.Extensions.Options.ConfigurationExtensions (8.0)
      Microsoft.Extensions.Configuration.Abstractions (>= 8.0)
      Microsoft.Extensions.Configuration.Binder (>= 8.0)
      Microsoft.Extensions.DependencyInjection.Abstractions (>= 8.0)
      Microsoft.Extensions.Options (>= 8.0)
      Microsoft.Extensions.Primitives (>= 8.0)
    Microsoft.Extensions.Primitives (8.0)
    Microsoft.IO.RecyclableMemoryStream (3.0)
    Microsoft.JSInterop (8.0)
    Microsoft.JSInterop.WebAssembly (8.0)
      Microsoft.JSInterop (>= 8.0)
    Microsoft.NETCore.Platforms (7.0.4)
    Microsoft.NETCore.Targets (5.0)
    Microsoft.Win32.SystemEvents (8.0)
    MudBlazor (6.12)
      Microsoft.AspNetCore.Components (>= 8.0)
      Microsoft.AspNetCore.Components.Web (>= 8.0)
      Microsoft.Extensions.Localization (>= 8.0)
    ReactiveUI (19.5.39)
      DynamicData (>= 8.3.27)
      Splat (>= 14.8.12)
      System.ComponentModel.Annotations (>= 5.0)
      System.Text.Json (>= 8.0)
    runtime.native.System (4.3.1)
      Microsoft.NETCore.Platforms (>= 1.1.1)
      Microsoft.NETCore.Targets (>= 1.1.3)
    runtime.native.System.IO.Compression (4.3.2)
      Microsoft.NETCore.Platforms (>= 1.1.1)
      Microsoft.NETCore.Targets (>= 1.1.3)
    SixLabors.Fonts (2.0.1)
    SixLabors.ImageSharp (3.1.2)
    SixLabors.ImageSharp.Drawing (2.1)
      SixLabors.Fonts (>= 2.0.1)
      SixLabors.ImageSharp (>= 3.1)
    SkiaSharp (2.88.6)
      SkiaSharp.NativeAssets.macOS (>= 2.88.6)
      SkiaSharp.NativeAssets.Win32 (>= 2.88.6)
    SkiaSharp.NativeAssets.Linux (2.88.6)
      SkiaSharp (>= 2.88.6)
    SkiaSharp.NativeAssets.macOS (2.88.6)
    SkiaSharp.NativeAssets.WebAssembly (2.88.6)
    SkiaSharp.NativeAssets.Win32 (2.88.6)
    Splat (14.8.12)
    System.Buffers (4.5.1)
    System.Collections (4.3)
      Microsoft.NETCore.Platforms (>= 1.1)
      Microsoft.NETCore.Targets (>= 1.1)
      System.Runtime (>= 4.3)
    System.Collections.Immutable (8.0)
    System.ComponentModel.Annotations (5.0)
    System.Diagnostics.Debug (4.3)
      Microsoft.NETCore.Platforms (>= 1.1)
      Microsoft.NETCore.Targets (>= 1.1)
      System.Runtime (>= 4.3)
    System.Diagnostics.DiagnosticSource (8.0)
    System.Diagnostics.EventLog (8.0)
    System.Drawing.Common (8.0)
      Microsoft.Win32.SystemEvents (>= 8.0)
    System.Globalization (4.3)
      Microsoft.NETCore.Platforms (>= 1.1)
      Microsoft.NETCore.Targets (>= 1.1)
      System.Runtime (>= 4.3)
    System.IO (4.3)
      Microsoft.NETCore.Platforms (>= 1.1)
      Microsoft.NETCore.Targets (>= 1.1)
      System.Runtime (>= 4.3)
      System.Text.Encoding (>= 4.3)
      System.Threading.Tasks (>= 4.3)
    System.IO.Compression (4.3)
      Microsoft.NETCore.Platforms (>= 1.1)
      runtime.native.System (>= 4.3)
      runtime.native.System.IO.Compression (>= 4.3)
      System.Buffers (>= 4.3)
      System.Collections (>= 4.3)
      System.Diagnostics.Debug (>= 4.3)
      System.IO (>= 4.3)
      System.Resources.ResourceManager (>= 4.3)
      System.Runtime (>= 4.3)
      System.Runtime.Extensions (>= 4.3)
      System.Runtime.Handles (>= 4.3)
      System.Runtime.InteropServices (>= 4.3)
      System.Text.Encoding (>= 4.3)
      System.Threading (>= 4.3)
      System.Threading.Tasks (>= 4.3)
    System.IO.Packaging (8.0)
    System.IO.Pipelines (8.0)
    System.Net.Http.Json (8.0)
      System.Text.Json (>= 8.0)
    System.Numerics.Vectors (4.5)
    System.Reactive (6.0)
    System.Reflection (4.3)
      Microsoft.NETCore.Platforms (>= 1.1)
      Microsoft.NETCore.Targets (>= 1.1)
      System.IO (>= 4.3)
      System.Reflection.Primitives (>= 4.3)
      System.Runtime (>= 4.3)
    System.Reflection.Metadata (8.0)
      System.Collections.Immutable (>= 8.0)
    System.Reflection.Primitives (4.3)
      Microsoft.NETCore.Platforms (>= 1.1)
      Microsoft.NETCore.Targets (>= 1.1)
      System.Runtime (>= 4.3)
    System.Resources.ResourceManager (4.3)
      Microsoft.NETCore.Platforms (>= 1.1)
      Microsoft.NETCore.Targets (>= 1.1)
      System.Globalization (>= 4.3)
      System.Reflection (>= 4.3)
      System.Runtime (>= 4.3)
    System.Runtime (4.3.1)
      Microsoft.NETCore.Platforms (>= 1.1.1)
      Microsoft.NETCore.Targets (>= 1.1.3)
    System.Runtime.CompilerServices.Unsafe (6.0)
    System.Runtime.Extensions (4.3.1)
      Microsoft.NETCore.Platforms (>= 1.1.1)
      Microsoft.NETCore.Targets (>= 1.1.3)
      System.Runtime (>= 4.3.1)
    System.Runtime.Handles (4.3)
      Microsoft.NETCore.Platforms (>= 1.1)
      Microsoft.NETCore.Targets (>= 1.1)
      System.Runtime (>= 4.3)
    System.Runtime.InteropServices (4.3)
      Microsoft.NETCore.Platforms (>= 1.1)
      Microsoft.NETCore.Targets (>= 1.1)
      System.Reflection (>= 4.3)
      System.Reflection.Primitives (>= 4.3)
      System.Runtime (>= 4.3)
      System.Runtime.Handles (>= 4.3)
    System.Text.Encoding (4.3)
      Microsoft.NETCore.Platforms (>= 1.1)
      Microsoft.NETCore.Targets (>= 1.1)
      System.Runtime (>= 4.3)
    System.Text.Encodings.Web (8.0)
    System.Text.Json (8.0)
      System.Text.Encodings.Web (>= 8.0)
    System.Threading (4.3)
      System.Runtime (>= 4.3)
      System.Threading.Tasks (>= 4.3)
    System.Threading.Tasks (4.3)
      Microsoft.NETCore.Platforms (>= 1.1)
      Microsoft.NETCore.Targets (>= 1.1)
      System.Runtime (>= 4.3)
    Tmds.DBus.Protocol (0.15)
      System.IO.Pipelines (>= 6.0)

GROUP Tests
RESTRICTION: == net8.0
NUGET
  remote: https://api.nuget.org/v3/index.json
    Microsoft.CodeCoverage (17.8)
    Microsoft.NET.Test.Sdk (17.8)
      Microsoft.CodeCoverage (>= 17.8)
      Microsoft.TestPlatform.TestHost (>= 17.8)
    Microsoft.TestPlatform.ObjectModel (17.8)
      NuGet.Frameworks (>= 6.5)
      System.Reflection.Metadata (>= 1.6)
    Microsoft.TestPlatform.TestHost (17.8)
      Microsoft.TestPlatform.ObjectModel (>= 17.8)
      Newtonsoft.Json (>= 13.0.1)
    Newtonsoft.Json (13.0.3)
    NuGet.Frameworks (6.8)
    NUnit (4.0.1)
    NUnit3TestAdapter (4.5)
    System.Collections.Immutable (8.0)
    System.Reflection.Metadata (8.0)
      System.Collections.Immutable (>= 8.0)
