RESTRICTION: || (== netstandard2.0) (== xamarinmac)
NUGET
  remote: https://api.nuget.org/v3/index.json
    DocumentFormat.OpenXml (2.9.1)
      NETStandard.Library (>= 1.6.1)
      System.IO.Packaging (>= 4.5)
      System.Runtime.Serialization.Xml (>= 4.3)
    FSharp.Core (4.6.2)
    Microsoft.NETCore.Platforms (2.2.1)
    Microsoft.NETCore.Targets (2.1) - restriction: || (== netstandard2.0) (&& (== xamarinmac) (< netstandard1.2)) (&& (== xamarinmac) (< netstandard1.3))
    NETStandard.Library (2.0.3) - restriction: || (&& (== netstandard2.0) (>= xamarinmac)) (== xamarinmac)
      Microsoft.NETCore.Platforms (>= 1.1)
    Newtonsoft.Json (12.0.2)
    System.Collections (4.3) - restriction: == netstandard2.0
      Microsoft.NETCore.Platforms (>= 1.1) - restriction: || (== netstandard2.0) (&& (== xamarinmac) (< netstandard1.3))
      Microsoft.NETCore.Targets (>= 1.1) - restriction: || (== netstandard2.0) (&& (== xamarinmac) (< netstandard1.3))
      System.Runtime (>= 4.3) - restriction: || (== netstandard2.0) (&& (== xamarinmac) (< netstandard1.3))
    System.Collections.Concurrent (4.3) - restriction: == netstandard2.0
      System.Collections (>= 4.3) - restriction: == netstandard2.0
      System.Diagnostics.Debug (>= 4.3) - restriction: == netstandard2.0
      System.Diagnostics.Tracing (>= 4.3) - restriction: == netstandard2.0
      System.Globalization (>= 4.3) - restriction: == netstandard2.0
      System.Reflection (>= 4.3) - restriction: == netstandard2.0
      System.Resources.ResourceManager (>= 4.3) - restriction: == netstandard2.0
      System.Runtime (>= 4.3) - restriction: || (== netstandard2.0) (&& (== xamarinmac) (< netstandard1.3))
      System.Runtime.Extensions (>= 4.3) - restriction: == netstandard2.0
      System.Threading (>= 4.3) - restriction: == netstandard2.0
      System.Threading.Tasks (>= 4.3) - restriction: || (== netstandard2.0) (&& (== xamarinmac) (< netstandard1.3))
    System.Diagnostics.Debug (4.3) - restriction: == netstandard2.0
      Microsoft.NETCore.Platforms (>= 1.1) - restriction: || (== netstandard2.0) (&& (== xamarinmac) (< netstandard1.3))
      Microsoft.NETCore.Targets (>= 1.1) - restriction: || (== netstandard2.0) (&& (== xamarinmac) (< netstandard1.3))
      System.Runtime (>= 4.3) - restriction: || (== netstandard2.0) (&& (== xamarinmac) (< netstandard1.3))
    System.Diagnostics.Tools (4.3) - restriction: == netstandard2.0
      Microsoft.NETCore.Platforms (>= 1.1) - restriction: == netstandard2.0
      Microsoft.NETCore.Targets (>= 1.1) - restriction: == netstandard2.0
      System.Runtime (>= 4.3) - restriction: == netstandard2.0
    System.Diagnostics.Tracing (4.3) - restriction: == netstandard2.0
      Microsoft.NETCore.Platforms (>= 1.1) - restriction: || (== netstandard2.0) (&& (== xamarinmac) (< netstandard1.2)) (&& (== xamarinmac) (< netstandard1.3)) (&& (== xamarinmac) (< netstandard1.5))
      Microsoft.NETCore.Targets (>= 1.1) - restriction: || (== netstandard2.0) (&& (== xamarinmac) (< netstandard1.2)) (&& (== xamarinmac) (< netstandard1.3)) (&& (== xamarinmac) (< netstandard1.5))
      System.Runtime (>= 4.3) - restriction: || (== netstandard2.0) (&& (== xamarinmac) (< netstandard1.2)) (&& (== xamarinmac) (< netstandard1.3)) (&& (== xamarinmac) (< netstandard1.5))
    System.Globalization (4.3) - restriction: == netstandard2.0
      Microsoft.NETCore.Platforms (>= 1.1) - restriction: || (== netstandard2.0) (&& (== xamarinmac) (< netstandard1.3))
      Microsoft.NETCore.Targets (>= 1.1) - restriction: || (== netstandard2.0) (&& (== xamarinmac) (< netstandard1.3))
      System.Runtime (>= 4.3) - restriction: || (== netstandard2.0) (&& (== xamarinmac) (< netstandard1.3))
    System.IO (4.3) - restriction: || (== netstandard2.0) (&& (== xamarinmac) (< netstandard1.3))
      Microsoft.NETCore.Platforms (>= 1.1) - restriction: || (== netstandard2.0) (&& (== xamarinmac) (< netstandard1.3)) (&& (== xamarinmac) (< netstandard1.5))
      Microsoft.NETCore.Targets (>= 1.1) - restriction: || (== netstandard2.0) (&& (== xamarinmac) (< netstandard1.3)) (&& (== xamarinmac) (< netstandard1.5))
      System.Runtime (>= 4.3) - restriction: || (== netstandard2.0) (&& (== xamarinmac) (< netstandard1.3)) (&& (== xamarinmac) (< netstandard1.5))
      System.Text.Encoding (>= 4.3) - restriction: || (== netstandard2.0) (&& (== xamarinmac) (< netstandard1.3)) (&& (== xamarinmac) (< netstandard1.5))
      System.Threading.Tasks (>= 4.3) - restriction: || (== netstandard2.0) (&& (== xamarinmac) (< netstandard1.3)) (&& (== xamarinmac) (< netstandard1.5))
    System.IO.FileSystem (4.3) - restriction: || (== netstandard2.0) (&& (== xamarinmac) (< netstandard1.3))
      Microsoft.NETCore.Platforms (>= 1.1) - restriction: == netstandard2.0
      Microsoft.NETCore.Targets (>= 1.1) - restriction: == netstandard2.0
      System.IO (>= 4.3) - restriction: == netstandard2.0
      System.IO.FileSystem.Primitives (>= 4.3) - restriction: || (== netstandard2.0) (&& (== xamarinmac) (>= net46))
      System.Runtime (>= 4.3) - restriction: == netstandard2.0
      System.Runtime.Handles (>= 4.3) - restriction: == netstandard2.0
      System.Text.Encoding (>= 4.3) - restriction: == netstandard2.0
      System.Threading.Tasks (>= 4.3) - restriction: == netstandard2.0
    System.IO.FileSystem.Primitives (4.3) - restriction: || (== netstandard2.0) (&& (== xamarinmac) (< netstandard1.3))
      System.Runtime (>= 4.3) - restriction: == netstandard2.0
    System.IO.Packaging (4.5)
    System.Linq (4.3) - restriction: == netstandard2.0
      System.Collections (>= 4.3) - restriction: || (== netstandard2.0) (&& (== xamarinmac) (< netstandard1.6))
      System.Diagnostics.Debug (>= 4.3) - restriction: == netstandard2.0
      System.Resources.ResourceManager (>= 4.3) - restriction: == netstandard2.0
      System.Runtime (>= 4.3) - restriction: || (== netstandard2.0) (&& (== xamarinmac) (< netstandard1.6))
      System.Runtime.Extensions (>= 4.3) - restriction: == netstandard2.0
    System.Private.DataContractSerialization (4.3) - restriction: == netstandard2.0
      System.Collections (>= 4.3) - restriction: == netstandard2.0
      System.Collections.Concurrent (>= 4.3) - restriction: == netstandard2.0
      System.Diagnostics.Debug (>= 4.3) - restriction: == netstandard2.0
      System.Globalization (>= 4.3) - restriction: == netstandard2.0
      System.IO (>= 4.3) - restriction: == netstandard2.0
      System.Linq (>= 4.3) - restriction: == netstandard2.0
      System.Reflection (>= 4.3) - restriction: == netstandard2.0
      System.Reflection.Emit.ILGeneration (>= 4.3) - restriction: == netstandard2.0
      System.Reflection.Emit.Lightweight (>= 4.3) - restriction: == netstandard2.0
      System.Reflection.Extensions (>= 4.3) - restriction: == netstandard2.0
      System.Reflection.Primitives (>= 4.3) - restriction: == netstandard2.0
      System.Reflection.TypeExtensions (>= 4.3) - restriction: || (== netstandard2.0) (&& (== xamarinmac) (>= net46))
      System.Resources.ResourceManager (>= 4.3) - restriction: == netstandard2.0
      System.Runtime (>= 4.3) - restriction: == netstandard2.0
      System.Runtime.Extensions (>= 4.3) - restriction: == netstandard2.0
      System.Runtime.Serialization.Primitives (>= 4.3) - restriction: || (== netstandard2.0) (&& (== xamarinmac) (>= net46))
      System.Text.Encoding (>= 4.3) - restriction: == netstandard2.0
      System.Text.Encoding.Extensions (>= 4.3) - restriction: == netstandard2.0
      System.Text.RegularExpressions (>= 4.3) - restriction: == netstandard2.0
      System.Threading (>= 4.3) - restriction: == netstandard2.0
      System.Threading.Tasks (>= 4.3) - restriction: == netstandard2.0
      System.Xml.ReaderWriter (>= 4.3) - restriction: == netstandard2.0
      System.Xml.XDocument (>= 4.3) - restriction: == netstandard2.0
      System.Xml.XmlDocument (>= 4.3) - restriction: || (== netstandard2.0) (&& (== xamarinmac) (>= net46))
      System.Xml.XmlSerializer (>= 4.3) - restriction: == netstandard2.0
    System.Reflection (4.3) - restriction: == netstandard2.0
      Microsoft.NETCore.Platforms (>= 1.1) - restriction: || (== netstandard2.0) (&& (== xamarinmac) (< netstandard1.3)) (&& (== xamarinmac) (< netstandard1.5))
      Microsoft.NETCore.Targets (>= 1.1) - restriction: || (== netstandard2.0) (&& (== xamarinmac) (< netstandard1.3)) (&& (== xamarinmac) (< netstandard1.5))
      System.IO (>= 4.3) - restriction: || (== netstandard2.0) (&& (== xamarinmac) (< netstandard1.3)) (&& (== xamarinmac) (< netstandard1.5))
      System.Reflection.Primitives (>= 4.3) - restriction: || (== netstandard2.0) (&& (== xamarinmac) (< netstandard1.3)) (&& (== xamarinmac) (< netstandard1.5))
      System.Runtime (>= 4.3) - restriction: || (== netstandard2.0) (&& (== xamarinmac) (< netstandard1.3)) (&& (== xamarinmac) (< netstandard1.5))
    System.Reflection.Emit (4.3) - restriction: == netstandard2.0
      System.IO (>= 4.3) - restriction: == netstandard2.0
      System.Reflection (>= 4.3) - restriction: == netstandard2.0
      System.Reflection.Emit.ILGeneration (>= 4.3) - restriction: == netstandard2.0
      System.Reflection.Primitives (>= 4.3) - restriction: == netstandard2.0
      System.Runtime (>= 4.3) - restriction: == netstandard2.0
    System.Reflection.Emit.ILGeneration (4.3) - restriction: == netstandard2.0
      System.Reflection (>= 4.3) - restriction: == netstandard2.0
      System.Reflection.Primitives (>= 4.3) - restriction: == netstandard2.0
      System.Runtime (>= 4.3) - restriction: == netstandard2.0
    System.Reflection.Emit.Lightweight (4.3) - restriction: == netstandard2.0
      System.Reflection (>= 4.3) - restriction: == netstandard2.0
      System.Reflection.Emit.ILGeneration (>= 4.3) - restriction: == netstandard2.0
      System.Reflection.Primitives (>= 4.3) - restriction: == netstandard2.0
      System.Runtime (>= 4.3) - restriction: == netstandard2.0
    System.Reflection.Extensions (4.3) - restriction: == netstandard2.0
      Microsoft.NETCore.Platforms (>= 1.1) - restriction: == netstandard2.0
      Microsoft.NETCore.Targets (>= 1.1) - restriction: == netstandard2.0
      System.Reflection (>= 4.3) - restriction: == netstandard2.0
      System.Runtime (>= 4.3) - restriction: == netstandard2.0
    System.Reflection.Primitives (4.3) - restriction: == netstandard2.0
      Microsoft.NETCore.Platforms (>= 1.1) - restriction: == netstandard2.0
      Microsoft.NETCore.Targets (>= 1.1) - restriction: == netstandard2.0
      System.Runtime (>= 4.3) - restriction: == netstandard2.0
    System.Reflection.TypeExtensions (4.5.1) - restriction: == netstandard2.0
    System.Resources.ResourceManager (4.3) - restriction: == netstandard2.0
      Microsoft.NETCore.Platforms (>= 1.1) - restriction: == netstandard2.0
      Microsoft.NETCore.Targets (>= 1.1) - restriction: == netstandard2.0
      System.Globalization (>= 4.3) - restriction: == netstandard2.0
      System.Reflection (>= 4.3) - restriction: == netstandard2.0
      System.Runtime (>= 4.3) - restriction: == netstandard2.0
    System.Runtime (4.3.1) - restriction: || (== netstandard2.0) (&& (== xamarinmac) (< netstandard1.3))
      Microsoft.NETCore.Platforms (>= 1.1.1) - restriction: || (== netstandard2.0) (&& (== xamarinmac) (< netstandard1.2)) (&& (== xamarinmac) (< netstandard1.3)) (&& (== xamarinmac) (< netstandard1.5))
      Microsoft.NETCore.Targets (>= 1.1.3) - restriction: || (== netstandard2.0) (&& (== xamarinmac) (< netstandard1.2)) (&& (== xamarinmac) (< netstandard1.3)) (&& (== xamarinmac) (< netstandard1.5))
    System.Runtime.CompilerServices.Unsafe (4.5.2) - restriction: || (== netstandard2.0) (&& (== xamarinmac) (< netstandard1.0)) (&& (== xamarinmac) (< netstandard1.3)) (&& (== xamarinmac) (>= wp8))
    System.Runtime.Extensions (4.3.1) - restriction: == netstandard2.0
      Microsoft.NETCore.Platforms (>= 1.1.1) - restriction: || (== netstandard2.0) (&& (== xamarinmac) (< netstandard1.3)) (&& (== xamarinmac) (< netstandard1.5))
      Microsoft.NETCore.Targets (>= 1.1.3) - restriction: || (== netstandard2.0) (&& (== xamarinmac) (< netstandard1.3)) (&& (== xamarinmac) (< netstandard1.5))
      System.Runtime (>= 4.3.1) - restriction: || (== netstandard2.0) (&& (== xamarinmac) (< netstandard1.3)) (&& (== xamarinmac) (< netstandard1.5))
    System.Runtime.Handles (4.3) - restriction: || (== netstandard2.0) (&& (== xamarinmac) (< netstandard1.3))
      Microsoft.NETCore.Platforms (>= 1.1) - restriction: == netstandard2.0
      Microsoft.NETCore.Targets (>= 1.1) - restriction: == netstandard2.0
      System.Runtime (>= 4.3) - restriction: == netstandard2.0
    System.Runtime.InteropServices (4.3) - restriction: || (== netstandard2.0) (&& (== xamarinmac) (< netstandard1.3))
      Microsoft.NETCore.Platforms (>= 1.1) - restriction: || (== netstandard2.0) (&& (== xamarinmac) (>= netcoreapp1.1)) (&& (== xamarinmac) (< netstandard1.2)) (&& (== xamarinmac) (< netstandard1.3)) (&& (== xamarinmac) (< netstandard1.5))
      Microsoft.NETCore.Targets (>= 1.1) - restriction: || (== netstandard2.0) (&& (== xamarinmac) (>= netcoreapp1.1)) (&& (== xamarinmac) (< netstandard1.2)) (&& (== xamarinmac) (< netstandard1.3)) (&& (== xamarinmac) (< netstandard1.5))
      System.Reflection (>= 4.3) - restriction: || (== netstandard2.0) (&& (== xamarinmac) (>= netcoreapp1.1)) (&& (== xamarinmac) (< netstandard1.2)) (&& (== xamarinmac) (< netstandard1.3)) (&& (== xamarinmac) (< netstandard1.5))
      System.Reflection.Primitives (>= 4.3) - restriction: || (== netstandard2.0) (&& (== xamarinmac) (>= netcoreapp1.1)) (&& (== xamarinmac) (< netstandard1.2)) (&& (== xamarinmac) (< netstandard1.3)) (&& (== xamarinmac) (< netstandard1.5))
      System.Runtime (>= 4.3) - restriction: || (== netstandard2.0) (&& (== xamarinmac) (>= net462)) (&& (== xamarinmac) (>= netcoreapp1.1)) (&& (== xamarinmac) (< netstandard1.2)) (&& (== xamarinmac) (< netstandard1.3)) (&& (== xamarinmac) (< netstandard1.5))
      System.Runtime.Handles (>= 4.3) - restriction: || (== netstandard2.0) (&& (== xamarinmac) (>= netcoreapp1.1)) (&& (== xamarinmac) (< netstandard1.5))
    System.Runtime.Serialization.Primitives (4.3) - restriction: || (== netstandard2.0) (&& (== xamarinmac) (>= net46))
      System.Resources.ResourceManager (>= 4.3) - restriction: == netstandard2.0
      System.Runtime (>= 4.3) - restriction: || (== netstandard2.0) (&& (== xamarinmac) (< netstandard1.3))
    System.Runtime.Serialization.Xml (4.3)
      System.IO (>= 4.3) - restriction: || (== netstandard2.0) (&& (== xamarinmac) (< netstandard1.3))
      System.Private.DataContractSerialization (>= 4.3) - restriction: == netstandard2.0
      System.Runtime (>= 4.3) - restriction: || (== netstandard2.0) (&& (== xamarinmac) (< netstandard1.3))
      System.Runtime.Serialization.Primitives (>= 4.3) - restriction: || (== netstandard2.0) (&& (== xamarinmac) (>= net46))
      System.Text.Encoding (>= 4.3) - restriction: || (== netstandard2.0) (&& (== xamarinmac) (< netstandard1.3))
      System.Xml.ReaderWriter (>= 4.3) - restriction: || (== netstandard2.0) (&& (== xamarinmac) (< netstandard1.3))
    System.Text.Encoding (4.3) - restriction: || (== netstandard2.0) (&& (== xamarinmac) (< netstandard1.3))
      Microsoft.NETCore.Platforms (>= 1.1) - restriction: || (== netstandard2.0) (&& (== xamarinmac) (< netstandard1.3))
      Microsoft.NETCore.Targets (>= 1.1) - restriction: || (== netstandard2.0) (&& (== xamarinmac) (< netstandard1.3))
      System.Runtime (>= 4.3) - restriction: || (== netstandard2.0) (&& (== xamarinmac) (< netstandard1.3))
    System.Text.Encoding.Extensions (4.3) - restriction: == netstandard2.0
      Microsoft.NETCore.Platforms (>= 1.1) - restriction: || (== netstandard2.0) (&& (== xamarinmac) (< netstandard1.3))
      Microsoft.NETCore.Targets (>= 1.1) - restriction: || (== netstandard2.0) (&& (== xamarinmac) (< netstandard1.3))
      System.Runtime (>= 4.3) - restriction: || (== netstandard2.0) (&& (== xamarinmac) (< netstandard1.3))
      System.Text.Encoding (>= 4.3) - restriction: || (== netstandard2.0) (&& (== xamarinmac) (< netstandard1.3))
    System.Text.RegularExpressions (4.3.1) - restriction: == netstandard2.0
      System.Collections (>= 4.3) - restriction: == netstandard2.0
      System.Globalization (>= 4.3) - restriction: == netstandard2.0
      System.Resources.ResourceManager (>= 4.3) - restriction: == netstandard2.0
      System.Runtime (>= 4.3.1) - restriction: || (== netstandard2.0) (&& (== xamarinmac) (>= netcoreapp1.1)) (&& (== xamarinmac) (< netstandard1.3)) (&& (== xamarinmac) (< netstandard1.6))
      System.Runtime.Extensions (>= 4.3.1) - restriction: == netstandard2.0
      System.Threading (>= 4.3) - restriction: == netstandard2.0
    System.Threading (4.3) - restriction: == netstandard2.0
      System.Runtime (>= 4.3) - restriction: || (== netstandard2.0) (&& (== xamarinmac) (< netstandard1.3))
      System.Threading.Tasks (>= 4.3) - restriction: || (== netstandard2.0) (&& (== xamarinmac) (< netstandard1.3))
    System.Threading.Tasks (4.3) - restriction: || (== netstandard2.0) (&& (== xamarinmac) (< netstandard1.3))
      Microsoft.NETCore.Platforms (>= 1.1) - restriction: || (== netstandard2.0) (&& (== xamarinmac) (< netstandard1.3))
      Microsoft.NETCore.Targets (>= 1.1) - restriction: || (== netstandard2.0) (&& (== xamarinmac) (< netstandard1.3))
      System.Runtime (>= 4.3) - restriction: || (== netstandard2.0) (&& (== xamarinmac) (< netstandard1.3))
    System.Threading.Tasks.Extensions (4.5.2) - restriction: || (== netstandard2.0) (&& (== xamarinmac) (< netstandard1.3))
      System.Runtime.CompilerServices.Unsafe (>= 4.5.2) - restriction: || (== netstandard2.0) (&& (== xamarinmac) (>= net45)) (&& (== xamarinmac) (< netstandard1.0)) (&& (== xamarinmac) (< netstandard2.0)) (&& (== xamarinmac) (>= wp8))
    System.Xml.ReaderWriter (4.3.1) - restriction: || (== netstandard2.0) (&& (== xamarinmac) (< netstandard1.3))
      System.Collections (>= 4.3) - restriction: == netstandard2.0
      System.Diagnostics.Debug (>= 4.3) - restriction: == netstandard2.0
      System.Globalization (>= 4.3) - restriction: == netstandard2.0
      System.IO (>= 4.3) - restriction: || (== netstandard2.0) (&& (== xamarinmac) (< netstandard1.3))
      System.IO.FileSystem (>= 4.3) - restriction: == netstandard2.0
      System.IO.FileSystem.Primitives (>= 4.3) - restriction: == netstandard2.0
      System.Resources.ResourceManager (>= 4.3) - restriction: == netstandard2.0
      System.Runtime (>= 4.3) - restriction: || (== netstandard2.0) (&& (== xamarinmac) (< netstandard1.3))
      System.Runtime.Extensions (>= 4.3) - restriction: == netstandard2.0
      System.Runtime.InteropServices (>= 4.3) - restriction: == netstandard2.0
      System.Text.Encoding (>= 4.3) - restriction: || (== netstandard2.0) (&& (== xamarinmac) (< netstandard1.3))
      System.Text.Encoding.Extensions (>= 4.3) - restriction: == netstandard2.0
      System.Text.RegularExpressions (>= 4.3) - restriction: == netstandard2.0
      System.Threading.Tasks (>= 4.3) - restriction: || (== netstandard2.0) (&& (== xamarinmac) (< netstandard1.3))
      System.Threading.Tasks.Extensions (>= 4.3) - restriction: == netstandard2.0
    System.Xml.XDocument (4.3) - restriction: == netstandard2.0
      System.Collections (>= 4.3) - restriction: == netstandard2.0
      System.Diagnostics.Debug (>= 4.3) - restriction: == netstandard2.0
      System.Diagnostics.Tools (>= 4.3) - restriction: == netstandard2.0
      System.Globalization (>= 4.3) - restriction: == netstandard2.0
      System.IO (>= 4.3) - restriction: || (== netstandard2.0) (&& (== xamarinmac) (< netstandard1.3))
      System.Reflection (>= 4.3) - restriction: == netstandard2.0
      System.Resources.ResourceManager (>= 4.3) - restriction: == netstandard2.0
      System.Runtime (>= 4.3) - restriction: || (== netstandard2.0) (&& (== xamarinmac) (< netstandard1.3))
      System.Runtime.Extensions (>= 4.3) - restriction: == netstandard2.0
      System.Text.Encoding (>= 4.3) - restriction: == netstandard2.0
      System.Threading (>= 4.3) - restriction: == netstandard2.0
      System.Xml.ReaderWriter (>= 4.3) - restriction: || (== netstandard2.0) (&& (== xamarinmac) (< netstandard1.3))
    System.Xml.XmlDocument (4.3) - restriction: == netstandard2.0
      System.Collections (>= 4.3) - restriction: == netstandard2.0
      System.Diagnostics.Debug (>= 4.3) - restriction: == netstandard2.0
      System.Globalization (>= 4.3) - restriction: == netstandard2.0
      System.IO (>= 4.3) - restriction: == netstandard2.0
      System.Resources.ResourceManager (>= 4.3) - restriction: == netstandard2.0
      System.Runtime (>= 4.3) - restriction: == netstandard2.0
      System.Runtime.Extensions (>= 4.3) - restriction: == netstandard2.0
      System.Text.Encoding (>= 4.3) - restriction: == netstandard2.0
      System.Threading (>= 4.3) - restriction: == netstandard2.0
      System.Xml.ReaderWriter (>= 4.3) - restriction: == netstandard2.0
    System.Xml.XmlSerializer (4.3) - restriction: == netstandard2.0
      System.Collections (>= 4.3) - restriction: == netstandard2.0
      System.Globalization (>= 4.3) - restriction: == netstandard2.0
      System.IO (>= 4.3) - restriction: || (== netstandard2.0) (&& (== xamarinmac) (< netstandard1.3))
      System.Linq (>= 4.3) - restriction: == netstandard2.0
      System.Reflection (>= 4.3) - restriction: == netstandard2.0
      System.Reflection.Emit (>= 4.3) - restriction: == netstandard2.0
      System.Reflection.Emit.ILGeneration (>= 4.3) - restriction: == netstandard2.0
      System.Reflection.Extensions (>= 4.3) - restriction: == netstandard2.0
      System.Reflection.Primitives (>= 4.3) - restriction: == netstandard2.0
      System.Reflection.TypeExtensions (>= 4.3) - restriction: == netstandard2.0
      System.Resources.ResourceManager (>= 4.3) - restriction: == netstandard2.0
      System.Runtime (>= 4.3) - restriction: || (== netstandard2.0) (&& (== xamarinmac) (< netstandard1.3))
      System.Runtime.Extensions (>= 4.3) - restriction: == netstandard2.0
      System.Text.RegularExpressions (>= 4.3) - restriction: == netstandard2.0
      System.Threading (>= 4.3) - restriction: == netstandard2.0
      System.Xml.ReaderWriter (>= 4.3) - restriction: || (== netstandard2.0) (&& (== xamarinmac) (< netstandard1.3))
      System.Xml.XmlDocument (>= 4.3) - restriction: == netstandard2.0
